NUGET
  remote: https://api.nuget.org/v3/index.json
    Microsoft.AspNet.WebApi (5.2.4)
      Microsoft.AspNet.WebApi.WebHost (>= 5.2.4 < 5.3)
    Microsoft.AspNet.WebApi.Client (5.2.4)
      Microsoft.Net.Http (>= 2.2.22) - restriction: && (< net45) (< netstandard2.0) (>= portable-net45+win8+wp8+wp81+wpa81)
      Newtonsoft.Json (>= 6.0.4) - restriction: || (>= net45) (&& (< netstandard2.0) (>= portable-net45+win8+wp8+wp81+wpa81))
      Newtonsoft.Json (>= 10.0.1) - restriction: && (< net45) (>= netstandard2.0)
      Newtonsoft.Json.Bson (>= 1.0.1) - restriction: && (< net45) (>= netstandard2.0)
    Microsoft.AspNet.WebApi.Core (5.2.4)
      Microsoft.AspNet.WebApi.Client (>= 5.2.4)
    Microsoft.AspNet.WebApi.WebHost (5.2.4)
      Microsoft.AspNet.WebApi.Core (>= 5.2.4 < 5.3)
    Microsoft.Bcl (1.1.10) - restriction: && (< net45) (< netstandard2.0) (>= portable-net45+win8+wp8+wp81+wpa81)
      Microsoft.Bcl.Build (>= 1.0.14)
    Microsoft.Bcl.Build (1.0.21) - import_targets: false, restriction: && (< net45) (< netstandard2.0) (>= portable-net45+win8+wp8+wp81+wpa81)
    Microsoft.CSharp (4.5) - restriction: || (&& (< net20) (>= netstandard1.0) (< netstandard1.3) (>= portable-net45+win8+wp8+wp81+wpa81)) (&& (< net20) (>= netstandard1.3) (< netstandard2.0) (>= portable-net45+win8+wp8+wp81+wpa81)) (&& (< net20) (< netstandard1.3) (>= netstandard2.0))
    Microsoft.Net.Http (2.2.29) - restriction: && (< net45) (< netstandard2.0) (>= portable-net45+win8+wp8+wp81+wpa81)
      Microsoft.Bcl (>= 1.1.10)
      Microsoft.Bcl.Build (>= 1.0.14)
    Microsoft.NETCore.Platforms (2.1.1) - restriction: || (&& (< net20) (>= net45) (< netstandard1.3)) (&& (< net20) (>= net46) (< netstandard1.3)) (&& (< net20) (>= net46) (< netstandard1.4)) (&& (< net20) (>= net461) (< netstandard1.3)) (&& (< net20) (>= net461) (< netstandard2.0)) (&& (< net20) (>= netstandard1.0) (>= portable-net45+win8+wp8+wp81+wpa81) (< portable-net45+win8+wpa81)) (&& (< net20) (< netstandard1.0) (>= netstandard1.3) (< portable-net45+win8)) (&& (< net20) (< netstandard1.0) (>= netstandard1.3) (< portable-net45+win8+wpa81)) (&& (< net20) (< netstandard1.0) (>= netstandard1.3) (< win8)) (&& (< net20) (< netstandard1.0) (>= netstandard2.0) (< portable-net45+win8)) (&& (< net20) (< netstandard1.0) (>= netstandard2.0) (< win8)) (&& (< net20) (>= netstandard1.1) (< netstandard1.2) (>= portable-net45+win8+wp8+wp81+wpa81) (< win8)) (&& (< net20) (>= netstandard1.2) (< netstandard1.3) (>= portable-net45+win8+wp8+wp81+wpa81) (< win8) (< wpa81)) (&& (< net20) (< netstandard1.2) (>= netstandard1.3) (>= portable-net45+win8+wp8+wp81+wpa81) (< win8)) (&& (< net20) (< netstandard1.2) (>= netstandard2.0) (< win8)) (&& (< net20) (>= netstandard1.3) (< netstandard1.4) (>= portable-net45+win8+wp8+wp81+wpa81) (< win8) (< wpa81)) (&& (< net20) (>= netstandard1.3) (>= portable-net45+win8+wp8+wp81+wpa81) (< portable-net45+win8+wpa81)) (&& (< net20) (< netstandard1.3) (>= netstandard1.4) (>= portable-net45+win8+wp8+wp81+wpa81) (< win8) (< wpa81)) (&& (< net20) (< netstandard1.3) (>= netstandard1.5) (>= portable-net45+win8+wp8+wp81+wpa81) (< win8) (< wpa81)) (&& (< net20) (< netstandard1.3) (>= netstandard1.6) (>= portable-net45+win8+wp8+wp81+wpa81) (< win8) (< wpa81)) (&& (< net20) (< netstandard1.3) (>= netstandard2.0) (< win8) (< wpa81)) (&& (< net20) (>= netstandard1.4) (< netstandard1.5) (>= portable-net45+win8+wp8+wp81+wpa81) (< win8) (< wpa81)) (&& (< net20) (>= netstandard1.5) (< netstandard1.6) (>= portable-net45+win8+wp8+wp81+wpa81) (< win8) (< wpa81)) (&& (< net20) (>= netstandard1.6) (< netstandard2.0) (>= portable-net45+win8+wp8+wp81+wpa81) (< win8) (< wpa81)) (&& (< net20) (>= netstandard2.0) (< portable-net45+win8+wpa81)) (&& (>= netcoreapp2.0) (< netstandard1.3)) (&& (>= netcoreapp2.0) (< netstandard2.0) (>= portable-net45+win8+wp8+wp81+wpa81)) (&& (< netstandard1.0) (>= netstandard1.3) (>= win8)) (&& (< netstandard1.0) (>= netstandard2.0) (>= win8)) (&& (< netstandard1.3) (>= uap10.0)) (&& (< netstandard1.3) (< win8) (>= wpa81)) (&& (< netstandard2.0) (>= uap10.0)) (>= wp8)
    Microsoft.NETCore.Targets (2.1) - restriction: || (&& (< monoandroid) (< net20) (< netstandard1.3) (>= netstandard2.0) (< win8) (< wpa81)) (&& (< net20) (>= net46) (< netstandard1.3)) (&& (< net20) (>= net46) (< netstandard1.4)) (&& (< net20) (>= netstandard1.3) (< netstandard1.4) (>= portable-net45+win8+wp8+wp81+wpa81) (< win8) (< wpa81)) (&& (< net20) (< netstandard1.3) (>= netstandard1.4) (>= portable-net45+win8+wp8+wp81+wpa81) (< win8) (< wpa81)) (&& (< net20) (< netstandard1.3) (>= netstandard1.5) (>= portable-net45+win8+wp8+wp81+wpa81) (< win8) (< wpa81)) (&& (< net20) (< netstandard1.3) (>= netstandard1.6) (>= portable-net45+win8+wp8+wp81+wpa81) (< win8) (< wpa81)) (&& (< net20) (>= netstandard1.4) (< netstandard1.5) (>= portable-net45+win8+wp8+wp81+wpa81) (< win8) (< wpa81)) (&& (< net20) (>= netstandard1.5) (< netstandard1.6) (>= portable-net45+win8+wp8+wp81+wpa81) (< win8) (< wpa81)) (&& (< net20) (>= netstandard1.6) (< netstandard2.0) (>= portable-net45+win8+wp8+wp81+wpa81) (< win8) (< wpa81)) (&& (< netstandard1.3) (>= uap10.0)) (&& (< netstandard2.0) (>= uap10.0) (< uap10.1))
    Microsoft.Owin (4.0)
      Owin (>= 1.0)
    Microsoft.Owin.Diagnostics (4.0)
      Microsoft.Owin (>= 4.0)
      Owin (>= 1.0)
    Microsoft.Owin.FileSystems (4.0)
    Microsoft.Owin.Host.HttpListener (4.0)
    Microsoft.Owin.Host.SystemWeb (4.0)
      Microsoft.Owin (>= 4.0)
      Owin (>= 1.0)
    Microsoft.Owin.Hosting (4.0)
      Microsoft.Owin (>= 4.0)
      Owin (>= 1.0)
    Microsoft.Owin.SelfHost (4.0)
      Microsoft.Owin (>= 4.0)
      Microsoft.Owin.Diagnostics (>= 4.0)
      Microsoft.Owin.Host.HttpListener (>= 4.0)
      Microsoft.Owin.Hosting (>= 4.0)
      Owin (>= 1.0)
    Microsoft.Owin.StaticFiles (4.0)
      Microsoft.Owin (>= 4.0)
      Microsoft.Owin.FileSystems (>= 4.0)
      Owin (>= 1.0)
    Microsoft.Win32.Primitives (4.3) - restriction: || (&& (< net20) (>= net46) (< netstandard1.3)) (&& (< net20) (>= net46) (< netstandard1.4)) (&& (< net20) (>= netstandard1.3) (< netstandard1.4) (>= portable-net45+win8+wp8+wp81+wpa81) (< win8) (< wpa81)) (&& (< net20) (< netstandard1.3) (>= netstandard1.4) (>= portable-net45+win8+wp8+wp81+wpa81) (< win8) (< wpa81)) (&& (< net20) (< netstandard1.3) (>= netstandard1.5) (>= portable-net45+win8+wp8+wp81+wpa81) (< win8) (< wpa81)) (&& (< net20) (< netstandard1.3) (>= netstandard1.6) (>= portable-net45+win8+wp8+wp81+wpa81) (< win8) (< wpa81)) (&& (< net20) (< netstandard1.3) (>= netstandard2.0) (< win8) (< wpa81)) (&& (< net20) (>= netstandard1.4) (< netstandard1.5) (>= portable-net45+win8+wp8+wp81+wpa81) (< win8) (< wpa81)) (&& (< net20) (>= netstandard1.5) (< netstandard1.6) (>= portable-net45+win8+wp8+wp81+wpa81) (< win8) (< wpa81)) (&& (< net20) (>= netstandard1.6) (< netstandard2.0) (>= portable-net45+win8+wp8+wp81+wpa81) (< win8) (< wpa81)) (&& (< netstandard1.3) (>= uap10.0)) (&& (< netstandard2.0) (>= uap10.0) (< uap10.1))
      Microsoft.NETCore.Platforms (>= 1.1) - restriction: && (< monoandroid) (< monotouch) (< net46) (>= netstandard1.3) (< xamarinios) (< xamarinmac) (< xamarintvos) (< xamarinwatchos)
      Microsoft.NETCore.Targets (>= 1.1) - restriction: && (< monoandroid) (< monotouch) (< net46) (>= netstandard1.3) (< xamarinios) (< xamarinmac) (< xamarintvos) (< xamarinwatchos)
      System.Runtime (>= 4.3) - restriction: && (< monoandroid) (< monotouch) (< net46) (>= netstandard1.3) (< xamarinios) (< xamarinmac) (< xamarintvos) (< xamarinwatchos)
    NETStandard.Library (2.0.3) - restriction: || (&& (< net20) (>= netstandard1.0) (< netstandard1.3) (>= portable-net45+win8+wp8+wp81+wpa81)) (&& (< net20) (>= netstandard1.3) (< netstandard2.0) (>= portable-net45+win8+wp8+wp81+wpa81)) (&& (< net20) (< netstandard1.3) (>= netstandard2.0)) (&& (< net45) (>= netstandard2.0))
      Microsoft.NETCore.Platforms (>= 1.1) - restriction: || (&& (>= net45) (< netstandard1.3)) (&& (< net45) (>= netstandard1.1) (< netstandard1.2) (< win8)) (&& (< net45) (>= netstandard1.2) (< netstandard1.3) (< win8) (< wpa81)) (&& (< net45) (>= netstandard1.3) (< netstandard1.4) (< win8) (< wpa81)) (&& (< net45) (>= netstandard1.4) (< netstandard1.5) (< win8) (< wpa81)) (&& (< net45) (>= netstandard1.5) (< netstandard1.6) (< win8) (< wpa81)) (&& (< net45) (>= netstandard1.6) (< netstandard2.0) (< win8) (< wpa81)) (&& (< net45) (>= netstandard2.0) (< win8) (< wpa81)) (&& (>= net46) (< netstandard1.4)) (>= net461) (>= netcoreapp2.0) (&& (>= netstandard1.0) (< portable-net45+win8+wpa81)) (&& (< netstandard1.0) (>= portable-net45+win8) (< win8)) (&& (< netstandard1.0) (< portable-net45+win8) (>= portable-net45+win8+wpa81)) (&& (< netstandard1.0) (>= portable-net45+win8+wp8+wpa81) (< portable-net45+win8+wpa81)) (&& (< netstandard1.0) (>= win8)) (&& (< netstandard1.3) (< win8) (>= wpa81)) (>= uap10.0) (>= wp8)
      Microsoft.Win32.Primitives (>= 4.3) - restriction: || (&& (< net45) (>= netstandard1.3) (< netstandard1.4) (< win8) (< wpa81)) (&& (< net45) (>= netstandard1.4) (< netstandard1.5) (< win8) (< wpa81)) (&& (< net45) (>= netstandard1.5) (< netstandard1.6) (< win8) (< wpa81)) (&& (< net45) (>= netstandard1.6) (< netstandard2.0) (< win8) (< wpa81)) (&& (>= net46) (< netstandard1.4)) (&& (>= uap10.0) (< uap10.1))
      System.AppContext (>= 4.3) - restriction: || (&& (< net45) (>= netstandard1.3) (< netstandard1.4) (< win8) (< wpa81)) (&& (< net45) (>= netstandard1.4) (< netstandard1.5) (< win8) (< wpa81)) (&& (< net45) (>= netstandard1.5) (< netstandard1.6) (< win8) (< wpa81)) (&& (< net45) (>= netstandard1.6) (< netstandard2.0) (< win8) (< wpa81)) (&& (>= net46) (< netstandard1.4)) (&& (>= uap10.0) (< uap10.1))
      System.Collections (>= 4.3) - restriction: || (&& (< net45) (>= netstandard1.1) (< netstandard1.2) (< win8)) (&& (< net45) (>= netstandard1.2) (< netstandard1.3) (< win8) (< wpa81)) (&& (< net45) (>= netstandard1.3) (< netstandard1.4) (< win8) (< wpa81)) (&& (< net45) (>= netstandard1.4) (< netstandard1.5) (< win8) (< wpa81)) (&& (< net45) (>= netstandard1.5) (< netstandard1.6) (< win8) (< wpa81)) (&& (< net45) (>= netstandard1.6) (< netstandard2.0) (< win8) (< wpa81)) (&& (>= netstandard1.0) (< portable-net45+win8+wpa81) (< wp8)) (&& (>= uap10.0) (< uap10.1))
      System.Collections.Concurrent (>= 4.3) - restriction: || (&& (< net45) (>= netstandard1.1) (< netstandard1.2) (< win8)) (&& (< net45) (>= netstandard1.2) (< netstandard1.3) (< win8) (< wpa81)) (&& (< net45) (>= netstandard1.3) (< netstandard1.4) (< win8) (< wpa81)) (&& (< net45) (>= netstandard1.4) (< netstandard1.5) (< win8) (< wpa81)) (&& (< net45) (>= netstandard1.5) (< netstandard1.6) (< win8) (< wpa81)) (&& (< net45) (>= netstandard1.6) (< netstandard2.0) (< win8) (< wpa81)) (&& (>= uap10.0) (< uap10.1))
      System.Console (>= 4.3) - restriction: || (&& (< net45) (>= netstandard1.3) (< netstandard1.4) (< win8) (< wpa81)) (&& (< net45) (>= netstandard1.4) (< netstandard1.5) (< win8) (< wpa81)) (&& (< net45) (>= netstandard1.5) (< netstandard1.6) (< win8) (< wpa81)) (&& (< net45) (>= netstandard1.6) (< netstandard2.0) (< win8) (< wpa81)) (&& (>= net46) (< netstandard1.4)) (&& (>= uap10.0) (< uap10.1))
      System.Diagnostics.Debug (>= 4.3) - restriction: || (&& (< net45) (>= netstandard1.1) (< netstandard1.2) (< win8)) (&& (< net45) (>= netstandard1.2) (< netstandard1.3) (< win8) (< wpa81)) (&& (< net45) (>= netstandard1.3) (< netstandard1.4) (< win8) (< wpa81)) (&& (< net45) (>= netstandard1.4) (< netstandard1.5) (< win8) (< wpa81)) (&& (< net45) (>= netstandard1.5) (< netstandard1.6) (< win8) (< wpa81)) (&& (< net45) (>= netstandard1.6) (< netstandard2.0) (< win8) (< wpa81)) (&& (>= netstandard1.0) (< portable-net45+win8+wpa81) (< wp8)) (&& (>= uap10.0) (< uap10.1))
      System.Diagnostics.Tools (>= 4.3) - restriction: || (&& (< net45) (>= netstandard1.1) (< netstandard1.2) (< win8)) (&& (< net45) (>= netstandard1.2) (< netstandard1.3) (< win8) (< wpa81)) (&& (< net45) (>= netstandard1.3) (< netstandard1.4) (< win8) (< wpa81)) (&& (< net45) (>= netstandard1.4) (< netstandard1.5) (< win8) (< wpa81)) (&& (< net45) (>= netstandard1.5) (< netstandard1.6) (< win8) (< wpa81)) (&& (< net45) (>= netstandard1.6) (< netstandard2.0) (< win8) (< wpa81)) (&& (>= netstandard1.0) (< portable-net45+win8+wpa81) (< wp8)) (&& (>= uap10.0) (< uap10.1))
      System.Diagnostics.Tracing (>= 4.3) - restriction: || (&& (< net45) (>= netstandard1.1) (< netstandard1.2) (< win8)) (&& (< net45) (>= netstandard1.2) (< netstandard1.3) (< win8) (< wpa81)) (&& (< net45) (>= netstandard1.3) (< netstandard1.4) (< win8) (< wpa81)) (&& (< net45) (>= netstandard1.4) (< netstandard1.5) (< win8) (< wpa81)) (&& (< net45) (>= netstandard1.5) (< netstandard1.6) (< win8) (< wpa81)) (&& (< net45) (>= netstandard1.6) (< netstandard2.0) (< win8) (< wpa81)) (&& (>= uap10.0) (< uap10.1))
      System.Globalization (>= 4.3) - restriction: || (&& (< net45) (>= netstandard1.1) (< netstandard1.2) (< win8)) (&& (< net45) (>= netstandard1.2) (< netstandard1.3) (< win8) (< wpa81)) (&& (< net45) (>= netstandard1.3) (< netstandard1.4) (< win8) (< wpa81)) (&& (< net45) (>= netstandard1.4) (< netstandard1.5) (< win8) (< wpa81)) (&& (< net45) (>= netstandard1.5) (< netstandard1.6) (< win8) (< wpa81)) (&& (< net45) (>= netstandard1.6) (< netstandard2.0) (< win8) (< wpa81)) (&& (>= netstandard1.0) (< portable-net45+win8+wpa81) (< wp8)) (&& (>= uap10.0) (< uap10.1))
      System.Globalization.Calendars (>= 4.3) - restriction: || (&& (< net45) (>= netstandard1.3) (< netstandard1.4) (< win8) (< wpa81)) (&& (< net45) (>= netstandard1.4) (< netstandard1.5) (< win8) (< wpa81)) (&& (< net45) (>= netstandard1.5) (< netstandard1.6) (< win8) (< wpa81)) (&& (< net45) (>= netstandard1.6) (< netstandard2.0) (< win8) (< wpa81)) (&& (>= net46) (< netstandard1.4)) (&& (>= uap10.0) (< uap10.1))
      System.IO (>= 4.3) - restriction: || (&& (< net45) (>= netstandard1.1) (< netstandard1.2) (< win8)) (&& (< net45) (>= netstandard1.2) (< netstandard1.3) (< win8) (< wpa81)) (&& (< net45) (>= netstandard1.3) (< netstandard1.4) (< win8) (< wpa81)) (&& (< net45) (>= netstandard1.4) (< netstandard1.5) (< win8) (< wpa81)) (&& (< net45) (>= netstandard1.5) (< netstandard1.6) (< win8) (< wpa81)) (&& (< net45) (>= netstandard1.6) (< netstandard2.0) (< win8) (< wpa81)) (&& (>= netstandard1.0) (< portable-net45+win8+wpa81) (< wp8)) (&& (>= uap10.0) (< uap10.1))
      System.IO.Compression (>= 4.3) - restriction: || (&& (< net45) (>= netstandard1.1) (< netstandard1.2) (< win8)) (&& (< net45) (>= netstandard1.2) (< netstandard1.3) (< win8) (< wpa81)) (&& (< net45) (>= netstandard1.3) (< netstandard1.4) (< win8) (< wpa81)) (&& (< net45) (>= netstandard1.4) (< netstandard1.5) (< win8) (< wpa81)) (&& (< net45) (>= netstandard1.5) (< netstandard1.6) (< win8) (< wpa81)) (&& (< net45) (>= netstandard1.6) (< netstandard2.0) (< win8) (< wpa81)) (&& (>= net46) (< netstandard1.4)) (&& (>= uap10.0) (< uap10.1))
      System.IO.Compression.ZipFile (>= 4.3) - restriction: || (&& (< net45) (>= netstandard1.3) (< netstandard1.4) (< win8) (< wpa81)) (&& (< net45) (>= netstandard1.4) (< netstandard1.5) (< win8) (< wpa81)) (&& (< net45) (>= netstandard1.5) (< netstandard1.6) (< win8) (< wpa81)) (&& (< net45) (>= netstandard1.6) (< netstandard2.0) (< win8) (< wpa81)) (&& (>= net46) (< netstandard1.4)) (&& (>= uap10.0) (< uap10.1))
      System.IO.FileSystem (>= 4.3) - restriction: || (&& (< net45) (>= netstandard1.3) (< netstandard1.4) (< win8) (< wpa81)) (&& (< net45) (>= netstandard1.4) (< netstandard1.5) (< win8) (< wpa81)) (&& (< net45) (>= netstandard1.5) (< netstandard1.6) (< win8) (< wpa81)) (&& (< net45) (>= netstandard1.6) (< netstandard2.0) (< win8) (< wpa81)) (&& (>= net46) (< netstandard1.4)) (&& (>= uap10.0) (< uap10.1))
      System.IO.FileSystem.Primitives (>= 4.3) - restriction: || (&& (< net45) (>= netstandard1.3) (< netstandard1.4) (< win8) (< wpa81)) (&& (< net45) (>= netstandard1.4) (< netstandard1.5) (< win8) (< wpa81)) (&& (< net45) (>= netstandard1.5) (< netstandard1.6) (< win8) (< wpa81)) (&& (< net45) (>= netstandard1.6) (< netstandard2.0) (< win8) (< wpa81)) (&& (>= net46) (< netstandard1.4)) (&& (>= uap10.0) (< uap10.1))
      System.Linq (>= 4.3) - restriction: || (&& (< net45) (>= netstandard1.1) (< netstandard1.2) (< win8)) (&& (< net45) (>= netstandard1.2) (< netstandard1.3) (< win8) (< wpa81)) (&& (< net45) (>= netstandard1.3) (< netstandard1.4) (< win8) (< wpa81)) (&& (< net45) (>= netstandard1.4) (< netstandard1.5) (< win8) (< wpa81)) (&& (< net45) (>= netstandard1.5) (< netstandard1.6) (< win8) (< wpa81)) (&& (< net45) (>= netstandard1.6) (< netstandard2.0) (< win8) (< wpa81)) (&& (>= netstandard1.0) (< portable-net45+win8+wpa81) (< wp8)) (&& (>= uap10.0) (< uap10.1))
      System.Linq.Expressions (>= 4.3) - restriction: || (&& (< net45) (>= netstandard1.1) (< netstandard1.2) (< win8)) (&& (< net45) (>= netstandard1.2) (< netstandard1.3) (< win8) (< wpa81)) (&& (< net45) (>= netstandard1.3) (< netstandard1.4) (< win8) (< wpa81)) (&& (< net45) (>= netstandard1.4) (< netstandard1.5) (< win8) (< wpa81)) (&& (< net45) (>= netstandard1.5) (< netstandard1.6) (< win8) (< wpa81)) (&& (< net45) (>= netstandard1.6) (< netstandard2.0) (< win8) (< wpa81)) (&& (>= netstandard1.0) (< portable-net45+win8+wpa81) (< wp8)) (&& (>= uap10.0) (< uap10.1))
      System.Net.Http (>= 4.3.2) - restriction: || (&& (< net45) (>= netstandard1.1) (< netstandard1.2) (< win8)) (&& (< net45) (>= netstandard1.2) (< netstandard1.3) (< win8) (< wpa81)) (&& (< net45) (>= netstandard1.3) (< netstandard1.4) (< win8) (< wpa81)) (&& (< net45) (>= netstandard1.4) (< netstandard1.5) (< win8) (< wpa81)) (&& (< net45) (>= netstandard1.5) (< netstandard1.6) (< win8) (< wpa81)) (&& (< net45) (>= netstandard1.6) (< netstandard2.0) (< win8) (< wpa81)) (&& (>= net46) (< netstandard1.4)) (&& (>= uap10.0) (< uap10.1))
      System.Net.Primitives (>= 4.3) - restriction: || (&& (< net45) (>= netstandard1.1) (< netstandard1.2) (< win8)) (&& (< net45) (>= netstandard1.2) (< netstandard1.3) (< win8) (< wpa81)) (&& (< net45) (>= netstandard1.3) (< netstandard1.4) (< win8) (< wpa81)) (&& (< net45) (>= netstandard1.4) (< netstandard1.5) (< win8) (< wpa81)) (&& (< net45) (>= netstandard1.5) (< netstandard1.6) (< win8) (< wpa81)) (&& (< net45) (>= netstandard1.6) (< netstandard2.0) (< win8) (< wpa81)) (&& (>= netstandard1.0) (< portable-net45+win8+wpa81) (< wp8)) (&& (>= uap10.0) (< uap10.1))
      System.Net.Sockets (>= 4.3) - restriction: || (&& (< net45) (>= netstandard1.3) (< netstandard1.4) (< win8) (< wpa81)) (&& (< net45) (>= netstandard1.4) (< netstandard1.5) (< win8) (< wpa81)) (&& (< net45) (>= netstandard1.5) (< netstandard1.6) (< win8) (< wpa81)) (&& (< net45) (>= netstandard1.6) (< netstandard2.0) (< win8) (< wpa81)) (&& (>= net46) (< netstandard1.4)) (&& (>= uap10.0) (< uap10.1))
      System.ObjectModel (>= 4.3) - restriction: || (&& (< net45) (>= netstandard1.1) (< netstandard1.2) (< win8)) (&& (< net45) (>= netstandard1.2) (< netstandard1.3) (< win8) (< wpa81)) (&& (< net45) (>= netstandard1.3) (< netstandard1.4) (< win8) (< wpa81)) (&& (< net45) (>= netstandard1.4) (< netstandard1.5) (< win8) (< wpa81)) (&& (< net45) (>= netstandard1.5) (< netstandard1.6) (< win8) (< wpa81)) (&& (< net45) (>= netstandard1.6) (< netstandard2.0) (< win8) (< wpa81)) (&& (>= netstandard1.0) (< portable-net45+win8+wpa81) (< wp8)) (&& (>= uap10.0) (< uap10.1))
      System.Reflection (>= 4.3) - restriction: || (&& (< net45) (>= netstandard1.1) (< netstandard1.2) (< win8)) (&& (< net45) (>= netstandard1.2) (< netstandard1.3) (< win8) (< wpa81)) (&& (< net45) (>= netstandard1.3) (< netstandard1.4) (< win8) (< wpa81)) (&& (< net45) (>= netstandard1.4) (< netstandard1.5) (< win8) (< wpa81)) (&& (< net45) (>= netstandard1.5) (< netstandard1.6) (< win8) (< wpa81)) (&& (< net45) (>= netstandard1.6) (< netstandard2.0) (< win8) (< wpa81)) (&& (>= netstandard1.0) (< portable-net45+win8+wpa81) (< wp8)) (&& (>= uap10.0) (< uap10.1))
      System.Reflection.Extensions (>= 4.3) - restriction: || (&& (< net45) (>= netstandard1.1) (< netstandard1.2) (< win8)) (&& (< net45) (>= netstandard1.2) (< netstandard1.3) (< win8) (< wpa81)) (&& (< net45) (>= netstandard1.3) (< netstandard1.4) (< win8) (< wpa81)) (&& (< net45) (>= netstandard1.4) (< netstandard1.5) (< win8) (< wpa81)) (&& (< net45) (>= netstandard1.5) (< netstandard1.6) (< win8) (< wpa81)) (&& (< net45) (>= netstandard1.6) (< netstandard2.0) (< win8) (< wpa81)) (&& (>= netstandard1.0) (< portable-net45+win8+wpa81) (< wp8)) (&& (>= uap10.0) (< uap10.1))
      System.Reflection.Primitives (>= 4.3) - restriction: || (&& (< net45) (>= netstandard1.1) (< netstandard1.2) (< win8)) (&& (< net45) (>= netstandard1.2) (< netstandard1.3) (< win8) (< wpa81)) (&& (< net45) (>= netstandard1.3) (< netstandard1.4) (< win8) (< wpa81)) (&& (< net45) (>= netstandard1.4) (< netstandard1.5) (< win8) (< wpa81)) (&& (< net45) (>= netstandard1.5) (< netstandard1.6) (< win8) (< wpa81)) (&& (< net45) (>= netstandard1.6) (< netstandard2.0) (< win8) (< wpa81)) (&& (>= netstandard1.0) (< portable-net45+win8+wpa81) (< wp8)) (&& (>= uap10.0) (< uap10.1))
      System.Resources.ResourceManager (>= 4.3) - restriction: || (&& (< net45) (>= netstandard1.1) (< netstandard1.2) (< win8)) (&& (< net45) (>= netstandard1.2) (< netstandard1.3) (< win8) (< wpa81)) (&& (< net45) (>= netstandard1.3) (< netstandard1.4) (< win8) (< wpa81)) (&& (< net45) (>= netstandard1.4) (< netstandard1.5) (< win8) (< wpa81)) (&& (< net45) (>= netstandard1.5) (< netstandard1.6) (< win8) (< wpa81)) (&& (< net45) (>= netstandard1.6) (< netstandard2.0) (< win8) (< wpa81)) (&& (>= netstandard1.0) (< portable-net45+win8+wpa81) (< wp8)) (&& (>= uap10.0) (< uap10.1))
      System.Runtime (>= 4.3) - restriction: || (&& (< net45) (>= netstandard1.1) (< netstandard1.2) (< win8)) (&& (< net45) (>= netstandard1.2) (< netstandard1.3) (< win8) (< wpa81)) (&& (< net45) (>= netstandard1.3) (< netstandard1.4) (< win8) (< wpa81)) (&& (< net45) (>= netstandard1.4) (< netstandard1.5) (< win8) (< wpa81)) (&& (< net45) (>= netstandard1.5) (< netstandard1.6) (< win8) (< wpa81)) (&& (< net45) (>= netstandard1.6) (< netstandard2.0) (< win8) (< wpa81)) (&& (>= netstandard1.0) (< portable-net45+win8+wpa81) (< wp8)) (&& (>= uap10.0) (< uap10.1))
      System.Runtime.Extensions (>= 4.3) - restriction: || (&& (< net45) (>= netstandard1.1) (< netstandard1.2) (< win8)) (&& (< net45) (>= netstandard1.2) (< netstandard1.3) (< win8) (< wpa81)) (&& (< net45) (>= netstandard1.3) (< netstandard1.4) (< win8) (< wpa81)) (&& (< net45) (>= netstandard1.4) (< netstandard1.5) (< win8) (< wpa81)) (&& (< net45) (>= netstandard1.5) (< netstandard1.6) (< win8) (< wpa81)) (&& (< net45) (>= netstandard1.6) (< netstandard2.0) (< win8) (< wpa81)) (&& (>= netstandard1.0) (< portable-net45+win8+wpa81) (< wp8)) (&& (>= uap10.0) (< uap10.1))
      System.Runtime.Handles (>= 4.3) - restriction: || (&& (< net45) (>= netstandard1.3) (< netstandard1.4) (< win8) (< wpa81)) (&& (< net45) (>= netstandard1.4) (< netstandard1.5) (< win8) (< wpa81)) (&& (< net45) (>= netstandard1.5) (< netstandard1.6) (< win8) (< wpa81)) (&& (< net45) (>= netstandard1.6) (< netstandard2.0) (< win8) (< wpa81)) (&& (>= uap10.0) (< uap10.1))
      System.Runtime.InteropServices (>= 4.3) - restriction: || (&& (< net45) (>= netstandard1.1) (< netstandard1.2) (< win8)) (&& (< net45) (>= netstandard1.2) (< netstandard1.3) (< win8) (< wpa81)) (&& (< net45) (>= netstandard1.3) (< netstandard1.4) (< win8) (< wpa81)) (&& (< net45) (>= netstandard1.4) (< netstandard1.5) (< win8) (< wpa81)) (&& (< net45) (>= netstandard1.5) (< netstandard1.6) (< win8) (< wpa81)) (&& (< net45) (>= netstandard1.6) (< netstandard2.0) (< win8) (< wpa81)) (&& (>= uap10.0) (< uap10.1))
      System.Runtime.InteropServices.RuntimeInformation (>= 4.3) - restriction: || (&& (>= net45) (< netstandard1.3)) (&& (< net45) (>= netstandard1.1) (< netstandard1.2) (< win8)) (&& (< net45) (>= netstandard1.2) (< netstandard1.3) (< win8) (< wpa81)) (&& (< net45) (>= netstandard1.3) (< netstandard1.4) (< win8) (< wpa81)) (&& (< net45) (>= netstandard1.4) (< netstandard1.5) (< win8) (< wpa81)) (&& (< net45) (>= netstandard1.5) (< netstandard1.6) (< win8) (< wpa81)) (&& (< net45) (>= netstandard1.6) (< netstandard2.0) (< win8) (< wpa81)) (&& (>= net46) (< netstandard1.4)) (&& (< netstandard1.0) (>= portable-net45+win8) (< win8)) (&& (< netstandard1.0) (< portable-net45+win8) (>= portable-net45+win8+wpa81)) (&& (< netstandard1.0) (>= win8)) (&& (< netstandard1.3) (< win8) (>= wpa81)) (&& (>= uap10.0) (< uap10.1))
      System.Runtime.Numerics (>= 4.3) - restriction: || (&& (< net45) (>= netstandard1.1) (< netstandard1.2) (< win8)) (&& (< net45) (>= netstandard1.2) (< netstandard1.3) (< win8) (< wpa81)) (&& (< net45) (>= netstandard1.3) (< netstandard1.4) (< win8) (< wpa81)) (&& (< net45) (>= netstandard1.4) (< netstandard1.5) (< win8) (< wpa81)) (&& (< net45) (>= netstandard1.5) (< netstandard1.6) (< win8) (< wpa81)) (&& (< net45) (>= netstandard1.6) (< netstandard2.0) (< win8) (< wpa81)) (&& (>= uap10.0) (< uap10.1))
      System.Security.Cryptography.Algorithms (>= 4.3) - restriction: || (&& (< net45) (>= netstandard1.3) (< netstandard1.4) (< win8) (< wpa81)) (&& (< net45) (>= netstandard1.4) (< netstandard1.5) (< win8) (< wpa81)) (&& (< net45) (>= netstandard1.5) (< netstandard1.6) (< win8) (< wpa81)) (&& (< net45) (>= netstandard1.6) (< netstandard2.0) (< win8) (< wpa81)) (&& (>= net46) (< netstandard1.4)) (&& (>= uap10.0) (< uap10.1))
      System.Security.Cryptography.Encoding (>= 4.3) - restriction: || (&& (< net45) (>= netstandard1.3) (< netstandard1.4) (< win8) (< wpa81)) (&& (< net45) (>= netstandard1.4) (< netstandard1.5) (< win8) (< wpa81)) (&& (< net45) (>= netstandard1.5) (< netstandard1.6) (< win8) (< wpa81)) (&& (< net45) (>= netstandard1.6) (< netstandard2.0) (< win8) (< wpa81)) (&& (>= net46) (< netstandard1.4)) (&& (>= uap10.0) (< uap10.1))
      System.Security.Cryptography.Primitives (>= 4.3) - restriction: || (&& (< net45) (>= netstandard1.3) (< netstandard1.4) (< win8) (< wpa81)) (&& (< net45) (>= netstandard1.4) (< netstandard1.5) (< win8) (< wpa81)) (&& (< net45) (>= netstandard1.5) (< netstandard1.6) (< win8) (< wpa81)) (&& (< net45) (>= netstandard1.6) (< netstandard2.0) (< win8) (< wpa81)) (&& (>= net46) (< netstandard1.4)) (&& (>= uap10.0) (< uap10.1))
      System.Security.Cryptography.X509Certificates (>= 4.3) - restriction: || (&& (< net45) (>= netstandard1.3) (< netstandard1.4) (< win8) (< wpa81)) (&& (< net45) (>= netstandard1.4) (< netstandard1.5) (< win8) (< wpa81)) (&& (< net45) (>= netstandard1.5) (< netstandard1.6) (< win8) (< wpa81)) (&& (< net45) (>= netstandard1.6) (< netstandard2.0) (< win8) (< wpa81)) (&& (>= net46) (< netstandard1.4)) (&& (>= uap10.0) (< uap10.1))
      System.Text.Encoding (>= 4.3) - restriction: || (&& (< net45) (>= netstandard1.1) (< netstandard1.2) (< win8)) (&& (< net45) (>= netstandard1.2) (< netstandard1.3) (< win8) (< wpa81)) (&& (< net45) (>= netstandard1.3) (< netstandard1.4) (< win8) (< wpa81)) (&& (< net45) (>= netstandard1.4) (< netstandard1.5) (< win8) (< wpa81)) (&& (< net45) (>= netstandard1.5) (< netstandard1.6) (< win8) (< wpa81)) (&& (< net45) (>= netstandard1.6) (< netstandard2.0) (< win8) (< wpa81)) (&& (>= netstandard1.0) (< portable-net45+win8+wpa81) (< wp8)) (&& (>= uap10.0) (< uap10.1))
      System.Text.Encoding.Extensions (>= 4.3) - restriction: || (&& (< net45) (>= netstandard1.1) (< netstandard1.2) (< win8)) (&& (< net45) (>= netstandard1.2) (< netstandard1.3) (< win8) (< wpa81)) (&& (< net45) (>= netstandard1.3) (< netstandard1.4) (< win8) (< wpa81)) (&& (< net45) (>= netstandard1.4) (< netstandard1.5) (< win8) (< wpa81)) (&& (< net45) (>= netstandard1.5) (< netstandard1.6) (< win8) (< wpa81)) (&& (< net45) (>= netstandard1.6) (< netstandard2.0) (< win8) (< wpa81)) (&& (>= netstandard1.0) (< portable-net45+win8+wpa81) (< wp8)) (&& (>= uap10.0) (< uap10.1))
      System.Text.RegularExpressions (>= 4.3) - restriction: || (&& (< net45) (>= netstandard1.1) (< netstandard1.2) (< win8)) (&& (< net45) (>= netstandard1.2) (< netstandard1.3) (< win8) (< wpa81)) (&& (< net45) (>= netstandard1.3) (< netstandard1.4) (< win8) (< wpa81)) (&& (< net45) (>= netstandard1.4) (< netstandard1.5) (< win8) (< wpa81)) (&& (< net45) (>= netstandard1.5) (< netstandard1.6) (< win8) (< wpa81)) (&& (< net45) (>= netstandard1.6) (< netstandard2.0) (< win8) (< wpa81)) (&& (>= netstandard1.0) (< portable-net45+win8+wpa81) (< wp8)) (&& (>= uap10.0) (< uap10.1))
      System.Threading (>= 4.3) - restriction: || (&& (< net45) (>= netstandard1.1) (< netstandard1.2) (< win8)) (&& (< net45) (>= netstandard1.2) (< netstandard1.3) (< win8) (< wpa81)) (&& (< net45) (>= netstandard1.3) (< netstandard1.4) (< win8) (< wpa81)) (&& (< net45) (>= netstandard1.4) (< netstandard1.5) (< win8) (< wpa81)) (&& (< net45) (>= netstandard1.5) (< netstandard1.6) (< win8) (< wpa81)) (&& (< net45) (>= netstandard1.6) (< netstandard2.0) (< win8) (< wpa81)) (&& (>= netstandard1.0) (< portable-net45+win8+wpa81) (< wp8)) (&& (>= uap10.0) (< uap10.1))
      System.Threading.Tasks (>= 4.3) - restriction: || (&& (< net45) (>= netstandard1.1) (< netstandard1.2) (< win8)) (&& (< net45) (>= netstandard1.2) (< netstandard1.3) (< win8) (< wpa81)) (&& (< net45) (>= netstandard1.3) (< netstandard1.4) (< win8) (< wpa81)) (&& (< net45) (>= netstandard1.4) (< netstandard1.5) (< win8) (< wpa81)) (&& (< net45) (>= netstandard1.5) (< netstandard1.6) (< win8) (< wpa81)) (&& (< net45) (>= netstandard1.6) (< netstandard2.0) (< win8) (< wpa81)) (&& (>= netstandard1.0) (< portable-net45+win8+wpa81) (< wp8)) (&& (>= uap10.0) (< uap10.1))
      System.Threading.Timer (>= 4.3) - restriction: || (&& (< net45) (>= netstandard1.2) (< netstandard1.3) (< win8) (< wpa81)) (&& (< net45) (>= netstandard1.3) (< netstandard1.4) (< win8) (< wpa81)) (&& (< net45) (>= netstandard1.4) (< netstandard1.5) (< win8) (< wpa81)) (&& (< net45) (>= netstandard1.5) (< netstandard1.6) (< win8) (< wpa81)) (&& (< net45) (>= netstandard1.6) (< netstandard2.0) (< win8) (< wpa81)) (&& (>= uap10.0) (< uap10.1))
      System.Xml.ReaderWriter (>= 4.3) - restriction: || (&& (< net45) (>= netstandard1.1) (< netstandard1.2) (< win8)) (&& (< net45) (>= netstandard1.2) (< netstandard1.3) (< win8) (< wpa81)) (&& (< net45) (>= netstandard1.3) (< netstandard1.4) (< win8) (< wpa81)) (&& (< net45) (>= netstandard1.4) (< netstandard1.5) (< win8) (< wpa81)) (&& (< net45) (>= netstandard1.5) (< netstandard1.6) (< win8) (< wpa81)) (&& (< net45) (>= netstandard1.6) (< netstandard2.0) (< win8) (< wpa81)) (&& (>= net46) (< netstandard1.4)) (&& (>= netstandard1.0) (< portable-net45+win8+wpa81) (< wp8)) (&& (>= uap10.0) (< uap10.1))
      System.Xml.XDocument (>= 4.3) - restriction: || (&& (< net45) (>= netstandard1.1) (< netstandard1.2) (< win8)) (&& (< net45) (>= netstandard1.2) (< netstandard1.3) (< win8) (< wpa81)) (&& (< net45) (>= netstandard1.3) (< netstandard1.4) (< win8) (< wpa81)) (&& (< net45) (>= netstandard1.4) (< netstandard1.5) (< win8) (< wpa81)) (&& (< net45) (>= netstandard1.5) (< netstandard1.6) (< win8) (< wpa81)) (&& (< net45) (>= netstandard1.6) (< netstandard2.0) (< win8) (< wpa81)) (&& (>= netstandard1.0) (< portable-net45+win8+wpa81) (< wp8)) (&& (>= uap10.0) (< uap10.1))
    Newtonsoft.Json (11.0.2) - restriction: || (>= netstandard2.0) (>= portable-net45+win8+wp8+wp81+wpa81)
      Microsoft.CSharp (>= 4.3) - restriction: || (&& (< net20) (>= netstandard1.0) (< netstandard1.3)) (&& (< net20) (>= netstandard1.3) (< netstandard2.0))
      NETStandard.Library (>= 1.6.1) - restriction: || (&& (< net20) (>= netstandard1.0) (< netstandard1.3)) (&& (< net20) (>= netstandard1.3) (< netstandard2.0))
      System.ComponentModel.TypeConverter (>= 4.3) - restriction: || (&& (< net20) (>= netstandard1.0) (< netstandard1.3)) (&& (< net20) (>= netstandard1.3) (< netstandard2.0))
      System.Runtime.Serialization.Formatters (>= 4.3) - restriction: && (< net20) (>= netstandard1.3) (< netstandard2.0)
      System.Runtime.Serialization.Primitives (>= 4.3) - restriction: || (&& (< net20) (>= netstandard1.0) (< netstandard1.3)) (&& (< net20) (>= netstandard1.3) (< netstandard2.0))
      System.Xml.XmlDocument (>= 4.3) - restriction: && (< net20) (>= netstandard1.3) (< netstandard2.0)
    Newtonsoft.Json.Bson (1.0.1) - restriction: && (< net45) (>= netstandard2.0)
      NETStandard.Library (>= 1.6.1) - restriction: && (< net45) (>= netstandard1.3)
      Newtonsoft.Json (>= 10.0.1) - restriction: || (>= net45) (>= netstandard1.3)
    Owin (1.0)
    runtime.debian.8-x64.runtime.native.System.Security.Cryptography.OpenSsl (4.3.3) - restriction: || (&& (< monoandroid) (< net20) (< netstandard1.3) (>= netstandard2.0) (< win8) (< wpa81)) (&& (< net20) (>= net46) (< netstandard1.3)) (&& (< net20) (>= net46) (< netstandard1.4)) (&& (< net20) (>= netstandard1.3) (< netstandard1.4) (>= portable-net45+win8+wp8+wp81+wpa81) (< win8) (< wpa81)) (&& (< net20) (< netstandard1.3) (>= netstandard1.4) (>= portable-net45+win8+wp8+wp81+wpa81) (< win8) (< wpa81)) (&& (< net20) (< netstandard1.3) (>= netstandard1.5) (>= portable-net45+win8+wp8+wp81+wpa81) (< win8) (< wpa81)) (&& (< net20) (< netstandard1.3) (>= netstandard1.6) (>= portable-net45+win8+wp8+wp81+wpa81) (< win8) (< wpa81)) (&& (< net20) (>= netstandard1.4) (< netstandard1.5) (>= portable-net45+win8+wp8+wp81+wpa81) (< win8) (< wpa81)) (&& (< net20) (>= netstandard1.5) (< netstandard1.6) (>= portable-net45+win8+wp8+wp81+wpa81) (< win8) (< wpa81)) (&& (< net20) (>= netstandard1.6) (< netstandard2.0) (>= portable-net45+win8+wp8+wp81+wpa81) (< win8) (< wpa81)) (&& (< netstandard1.3) (>= uap10.0)) (&& (< netstandard2.0) (>= uap10.0) (< uap10.1))
    runtime.debian.9-x64.runtime.native.System.Security.Cryptography.OpenSsl (4.3.3) - restriction: || (&& (< monoandroid) (< net20) (< netstandard1.3) (>= netstandard2.0) (< win8) (< wpa81)) (&& (< net20) (>= net46) (< netstandard1.3)) (&& (< net20) (>= net46) (< netstandard1.4)) (&& (< net20) (>= netstandard1.3) (< netstandard1.4) (>= portable-net45+win8+wp8+wp81+wpa81) (< win8) (< wpa81)) (&& (< net20) (< netstandard1.3) (>= netstandard1.4) (>= portable-net45+win8+wp8+wp81+wpa81) (< win8) (< wpa81)) (&& (< net20) (< netstandard1.3) (>= netstandard1.5) (>= portable-net45+win8+wp8+wp81+wpa81) (< win8) (< wpa81)) (&& (< net20) (< netstandard1.3) (>= netstandard1.6) (>= portable-net45+win8+wp8+wp81+wpa81) (< win8) (< wpa81)) (&& (< net20) (>= netstandard1.4) (< netstandard1.5) (>= portable-net45+win8+wp8+wp81+wpa81) (< win8) (< wpa81)) (&& (< net20) (>= netstandard1.5) (< netstandard1.6) (>= portable-net45+win8+wp8+wp81+wpa81) (< win8) (< wpa81)) (&& (< net20) (>= netstandard1.6) (< netstandard2.0) (>= portable-net45+win8+wp8+wp81+wpa81) (< win8) (< wpa81)) (&& (< netstandard1.3) (>= uap10.0)) (&& (< netstandard2.0) (>= uap10.0) (< uap10.1))
    runtime.fedora.23-x64.runtime.native.System.Security.Cryptography.OpenSsl (4.3.3) - restriction: || (&& (< monoandroid) (< net20) (< netstandard1.3) (>= netstandard2.0) (< win8) (< wpa81)) (&& (< net20) (>= net46) (< netstandard1.3)) (&& (< net20) (>= net46) (< netstandard1.4)) (&& (< net20) (>= netstandard1.3) (< netstandard1.4) (>= portable-net45+win8+wp8+wp81+wpa81) (< win8) (< wpa81)) (&& (< net20) (< netstandard1.3) (>= netstandard1.4) (>= portable-net45+win8+wp8+wp81+wpa81) (< win8) (< wpa81)) (&& (< net20) (< netstandard1.3) (>= netstandard1.5) (>= portable-net45+win8+wp8+wp81+wpa81) (< win8) (< wpa81)) (&& (< net20) (< netstandard1.3) (>= netstandard1.6) (>= portable-net45+win8+wp8+wp81+wpa81) (< win8) (< wpa81)) (&& (< net20) (>= netstandard1.4) (< netstandard1.5) (>= portable-net45+win8+wp8+wp81+wpa81) (< win8) (< wpa81)) (&& (< net20) (>= netstandard1.5) (< netstandard1.6) (>= portable-net45+win8+wp8+wp81+wpa81) (< win8) (< wpa81)) (&& (< net20) (>= netstandard1.6) (< netstandard2.0) (>= portable-net45+win8+wp8+wp81+wpa81) (< win8) (< wpa81)) (&& (< netstandard1.3) (>= uap10.0)) (&& (< netstandard2.0) (>= uap10.0) (< uap10.1))
    runtime.fedora.24-x64.runtime.native.System.Security.Cryptography.OpenSsl (4.3.3) - restriction: || (&& (< monoandroid) (< net20) (< netstandard1.3) (>= netstandard2.0) (< win8) (< wpa81)) (&& (< net20) (>= net46) (< netstandard1.3)) (&& (< net20) (>= net46) (< netstandard1.4)) (&& (< net20) (>= netstandard1.3) (< netstandard1.4) (>= portable-net45+win8+wp8+wp81+wpa81) (< win8) (< wpa81)) (&& (< net20) (< netstandard1.3) (>= netstandard1.4) (>= portable-net45+win8+wp8+wp81+wpa81) (< win8) (< wpa81)) (&& (< net20) (< netstandard1.3) (>= netstandard1.5) (>= portable-net45+win8+wp8+wp81+wpa81) (< win8) (< wpa81)) (&& (< net20) (< netstandard1.3) (>= netstandard1.6) (>= portable-net45+win8+wp8+wp81+wpa81) (< win8) (< wpa81)) (&& (< net20) (>= netstandard1.4) (< netstandard1.5) (>= portable-net45+win8+wp8+wp81+wpa81) (< win8) (< wpa81)) (&& (< net20) (>= netstandard1.5) (< netstandard1.6) (>= portable-net45+win8+wp8+wp81+wpa81) (< win8) (< wpa81)) (&& (< net20) (>= netstandard1.6) (< netstandard2.0) (>= portable-net45+win8+wp8+wp81+wpa81) (< win8) (< wpa81)) (&& (< netstandard1.3) (>= uap10.0)) (&& (< netstandard2.0) (>= uap10.0) (< uap10.1))
    runtime.fedora.27-x64.runtime.native.System.Security.Cryptography.OpenSsl (4.3.3) - restriction: || (&& (< monoandroid) (< net20) (< netstandard1.3) (>= netstandard2.0) (< win8) (< wpa81)) (&& (< net20) (>= net46) (< netstandard1.3)) (&& (< net20) (>= net46) (< netstandard1.4)) (&& (< net20) (>= netstandard1.3) (< netstandard1.4) (>= portable-net45+win8+wp8+wp81+wpa81) (< win8) (< wpa81)) (&& (< net20) (< netstandard1.3) (>= netstandard1.4) (>= portable-net45+win8+wp8+wp81+wpa81) (< win8) (< wpa81)) (&& (< net20) (< netstandard1.3) (>= netstandard1.5) (>= portable-net45+win8+wp8+wp81+wpa81) (< win8) (< wpa81)) (&& (< net20) (< netstandard1.3) (>= netstandard1.6) (>= portable-net45+win8+wp8+wp81+wpa81) (< win8) (< wpa81)) (&& (< net20) (>= netstandard1.4) (< netstandard1.5) (>= portable-net45+win8+wp8+wp81+wpa81) (< win8) (< wpa81)) (&& (< net20) (>= netstandard1.5) (< netstandard1.6) (>= portable-net45+win8+wp8+wp81+wpa81) (< win8) (< wpa81)) (&& (< net20) (>= netstandard1.6) (< netstandard2.0) (>= portable-net45+win8+wp8+wp81+wpa81) (< win8) (< wpa81)) (&& (< netstandard1.3) (>= uap10.0)) (&& (< netstandard2.0) (>= uap10.0) (< uap10.1))
    runtime.fedora.28-x64.runtime.native.System.Security.Cryptography.OpenSsl (4.3.3) - restriction: || (&& (< monoandroid) (< net20) (< netstandard1.3) (>= netstandard2.0) (< win8) (< wpa81)) (&& (< net20) (>= net46) (< netstandard1.3)) (&& (< net20) (>= net46) (< netstandard1.4)) (&& (< net20) (>= netstandard1.3) (< netstandard1.4) (>= portable-net45+win8+wp8+wp81+wpa81) (< win8) (< wpa81)) (&& (< net20) (< netstandard1.3) (>= netstandard1.4) (>= portable-net45+win8+wp8+wp81+wpa81) (< win8) (< wpa81)) (&& (< net20) (< netstandard1.3) (>= netstandard1.5) (>= portable-net45+win8+wp8+wp81+wpa81) (< win8) (< wpa81)) (&& (< net20) (< netstandard1.3) (>= netstandard1.6) (>= portable-net45+win8+wp8+wp81+wpa81) (< win8) (< wpa81)) (&& (< net20) (>= netstandard1.4) (< netstandard1.5) (>= portable-net45+win8+wp8+wp81+wpa81) (< win8) (< wpa81)) (&& (< net20) (>= netstandard1.5) (< netstandard1.6) (>= portable-net45+win8+wp8+wp81+wpa81) (< win8) (< wpa81)) (&& (< net20) (>= netstandard1.6) (< netstandard2.0) (>= portable-net45+win8+wp8+wp81+wpa81) (< win8) (< wpa81)) (&& (< netstandard1.3) (>= uap10.0)) (&& (< netstandard2.0) (>= uap10.0) (< uap10.1))
    runtime.native.System.Security.Cryptography.OpenSsl (4.3.3) - restriction: || (&& (< monoandroid) (< net20) (< netstandard1.3) (>= netstandard2.0) (< win8) (< wpa81)) (&& (< net20) (>= net46) (< netstandard1.3)) (&& (< net20) (>= net46) (< netstandard1.4)) (&& (< net20) (>= netstandard1.3) (< netstandard1.4) (>= portable-net45+win8+wp8+wp81+wpa81) (< win8) (< wpa81)) (&& (< net20) (< netstandard1.3) (>= netstandard1.4) (>= portable-net45+win8+wp8+wp81+wpa81) (< win8) (< wpa81)) (&& (< net20) (< netstandard1.3) (>= netstandard1.5) (>= portable-net45+win8+wp8+wp81+wpa81) (< win8) (< wpa81)) (&& (< net20) (< netstandard1.3) (>= netstandard1.6) (>= portable-net45+win8+wp8+wp81+wpa81) (< win8) (< wpa81)) (&& (< net20) (>= netstandard1.4) (< netstandard1.5) (>= portable-net45+win8+wp8+wp81+wpa81) (< win8) (< wpa81)) (&& (< net20) (>= netstandard1.5) (< netstandard1.6) (>= portable-net45+win8+wp8+wp81+wpa81) (< win8) (< wpa81)) (&& (< net20) (>= netstandard1.6) (< netstandard2.0) (>= portable-net45+win8+wp8+wp81+wpa81) (< win8) (< wpa81)) (&& (< netstandard1.3) (>= uap10.0)) (&& (< netstandard2.0) (>= uap10.0) (< uap10.1))
      runtime.debian.8-x64.runtime.native.System.Security.Cryptography.OpenSsl (>= 4.3.3)
      runtime.debian.9-x64.runtime.native.System.Security.Cryptography.OpenSsl (>= 4.3.3)
      runtime.fedora.23-x64.runtime.native.System.Security.Cryptography.OpenSsl (>= 4.3.3)
      runtime.fedora.24-x64.runtime.native.System.Security.Cryptography.OpenSsl (>= 4.3.3)
      runtime.fedora.27-x64.runtime.native.System.Security.Cryptography.OpenSsl (>= 4.3.3)
      runtime.fedora.28-x64.runtime.native.System.Security.Cryptography.OpenSsl (>= 4.3.3)
      runtime.opensuse.13.2-x64.runtime.native.System.Security.Cryptography.OpenSsl (>= 4.3.3)
      runtime.opensuse.42.1-x64.runtime.native.System.Security.Cryptography.OpenSsl (>= 4.3.3)
      runtime.opensuse.42.3-x64.runtime.native.System.Security.Cryptography.OpenSsl (>= 4.3.3)
      runtime.osx.10.10-x64.runtime.native.System.Security.Cryptography.OpenSsl (>= 4.3.3)
      runtime.rhel.7-x64.runtime.native.System.Security.Cryptography.OpenSsl (>= 4.3.3)
      runtime.ubuntu.14.04-x64.runtime.native.System.Security.Cryptography.OpenSsl (>= 4.3.3)
      runtime.ubuntu.16.04-x64.runtime.native.System.Security.Cryptography.OpenSsl (>= 4.3.3)
      runtime.ubuntu.16.10-x64.runtime.native.System.Security.Cryptography.OpenSsl (>= 4.3.3)
      runtime.ubuntu.18.04-x64.runtime.native.System.Security.Cryptography.OpenSsl (>= 4.3.3)
    runtime.opensuse.13.2-x64.runtime.native.System.Security.Cryptography.OpenSsl (4.3.3) - restriction: || (&& (< monoandroid) (< net20) (< netstandard1.3) (>= netstandard2.0) (< win8) (< wpa81)) (&& (< net20) (>= net46) (< netstandard1.3)) (&& (< net20) (>= net46) (< netstandard1.4)) (&& (< net20) (>= netstandard1.3) (< netstandard1.4) (>= portable-net45+win8+wp8+wp81+wpa81) (< win8) (< wpa81)) (&& (< net20) (< netstandard1.3) (>= netstandard1.4) (>= portable-net45+win8+wp8+wp81+wpa81) (< win8) (< wpa81)) (&& (< net20) (< netstandard1.3) (>= netstandard1.5) (>= portable-net45+win8+wp8+wp81+wpa81) (< win8) (< wpa81)) (&& (< net20) (< netstandard1.3) (>= netstandard1.6) (>= portable-net45+win8+wp8+wp81+wpa81) (< win8) (< wpa81)) (&& (< net20) (>= netstandard1.4) (< netstandard1.5) (>= portable-net45+win8+wp8+wp81+wpa81) (< win8) (< wpa81)) (&& (< net20) (>= netstandard1.5) (< netstandard1.6) (>= portable-net45+win8+wp8+wp81+wpa81) (< win8) (< wpa81)) (&& (< net20) (>= netstandard1.6) (< netstandard2.0) (>= portable-net45+win8+wp8+wp81+wpa81) (< win8) (< wpa81)) (&& (< netstandard1.3) (>= uap10.0)) (&& (< netstandard2.0) (>= uap10.0) (< uap10.1))
    runtime.opensuse.42.1-x64.runtime.native.System.Security.Cryptography.OpenSsl (4.3.3) - restriction: || (&& (< monoandroid) (< net20) (< netstandard1.3) (>= netstandard2.0) (< win8) (< wpa81)) (&& (< net20) (>= net46) (< netstandard1.3)) (&& (< net20) (>= net46) (< netstandard1.4)) (&& (< net20) (>= netstandard1.3) (< netstandard1.4) (>= portable-net45+win8+wp8+wp81+wpa81) (< win8) (< wpa81)) (&& (< net20) (< netstandard1.3) (>= netstandard1.4) (>= portable-net45+win8+wp8+wp81+wpa81) (< win8) (< wpa81)) (&& (< net20) (< netstandard1.3) (>= netstandard1.5) (>= portable-net45+win8+wp8+wp81+wpa81) (< win8) (< wpa81)) (&& (< net20) (< netstandard1.3) (>= netstandard1.6) (>= portable-net45+win8+wp8+wp81+wpa81) (< win8) (< wpa81)) (&& (< net20) (>= netstandard1.4) (< netstandard1.5) (>= portable-net45+win8+wp8+wp81+wpa81) (< win8) (< wpa81)) (&& (< net20) (>= netstandard1.5) (< netstandard1.6) (>= portable-net45+win8+wp8+wp81+wpa81) (< win8) (< wpa81)) (&& (< net20) (>= netstandard1.6) (< netstandard2.0) (>= portable-net45+win8+wp8+wp81+wpa81) (< win8) (< wpa81)) (&& (< netstandard1.3) (>= uap10.0)) (&& (< netstandard2.0) (>= uap10.0) (< uap10.1))
    runtime.opensuse.42.3-x64.runtime.native.System.Security.Cryptography.OpenSsl (4.3.3) - restriction: || (&& (< monoandroid) (< net20) (< netstandard1.3) (>= netstandard2.0) (< win8) (< wpa81)) (&& (< net20) (>= net46) (< netstandard1.3)) (&& (< net20) (>= net46) (< netstandard1.4)) (&& (< net20) (>= netstandard1.3) (< netstandard1.4) (>= portable-net45+win8+wp8+wp81+wpa81) (< win8) (< wpa81)) (&& (< net20) (< netstandard1.3) (>= netstandard1.4) (>= portable-net45+win8+wp8+wp81+wpa81) (< win8) (< wpa81)) (&& (< net20) (< netstandard1.3) (>= netstandard1.5) (>= portable-net45+win8+wp8+wp81+wpa81) (< win8) (< wpa81)) (&& (< net20) (< netstandard1.3) (>= netstandard1.6) (>= portable-net45+win8+wp8+wp81+wpa81) (< win8) (< wpa81)) (&& (< net20) (>= netstandard1.4) (< netstandard1.5) (>= portable-net45+win8+wp8+wp81+wpa81) (< win8) (< wpa81)) (&& (< net20) (>= netstandard1.5) (< netstandard1.6) (>= portable-net45+win8+wp8+wp81+wpa81) (< win8) (< wpa81)) (&& (< net20) (>= netstandard1.6) (< netstandard2.0) (>= portable-net45+win8+wp8+wp81+wpa81) (< win8) (< wpa81)) (&& (< netstandard1.3) (>= uap10.0)) (&& (< netstandard2.0) (>= uap10.0) (< uap10.1))
    runtime.osx.10.10-x64.runtime.native.System.Security.Cryptography.OpenSsl (4.3.3) - restriction: || (&& (< monoandroid) (< net20) (< netstandard1.3) (>= netstandard2.0) (< win8) (< wpa81)) (&& (< net20) (>= net46) (< netstandard1.3)) (&& (< net20) (>= net46) (< netstandard1.4)) (&& (< net20) (>= netstandard1.3) (< netstandard1.4) (>= portable-net45+win8+wp8+wp81+wpa81) (< win8) (< wpa81)) (&& (< net20) (< netstandard1.3) (>= netstandard1.4) (>= portable-net45+win8+wp8+wp81+wpa81) (< win8) (< wpa81)) (&& (< net20) (< netstandard1.3) (>= netstandard1.5) (>= portable-net45+win8+wp8+wp81+wpa81) (< win8) (< wpa81)) (&& (< net20) (< netstandard1.3) (>= netstandard1.6) (>= portable-net45+win8+wp8+wp81+wpa81) (< win8) (< wpa81)) (&& (< net20) (>= netstandard1.4) (< netstandard1.5) (>= portable-net45+win8+wp8+wp81+wpa81) (< win8) (< wpa81)) (&& (< net20) (>= netstandard1.5) (< netstandard1.6) (>= portable-net45+win8+wp8+wp81+wpa81) (< win8) (< wpa81)) (&& (< net20) (>= netstandard1.6) (< netstandard2.0) (>= portable-net45+win8+wp8+wp81+wpa81) (< win8) (< wpa81)) (&& (< netstandard1.3) (>= uap10.0)) (&& (< netstandard2.0) (>= uap10.0) (< uap10.1))
    runtime.rhel.7-x64.runtime.native.System.Security.Cryptography.OpenSsl (4.3.3) - restriction: || (&& (< monoandroid) (< net20) (< netstandard1.3) (>= netstandard2.0) (< win8) (< wpa81)) (&& (< net20) (>= net46) (< netstandard1.3)) (&& (< net20) (>= net46) (< netstandard1.4)) (&& (< net20) (>= netstandard1.3) (< netstandard1.4) (>= portable-net45+win8+wp8+wp81+wpa81) (< win8) (< wpa81)) (&& (< net20) (< netstandard1.3) (>= netstandard1.4) (>= portable-net45+win8+wp8+wp81+wpa81) (< win8) (< wpa81)) (&& (< net20) (< netstandard1.3) (>= netstandard1.5) (>= portable-net45+win8+wp8+wp81+wpa81) (< win8) (< wpa81)) (&& (< net20) (< netstandard1.3) (>= netstandard1.6) (>= portable-net45+win8+wp8+wp81+wpa81) (< win8) (< wpa81)) (&& (< net20) (>= netstandard1.4) (< netstandard1.5) (>= portable-net45+win8+wp8+wp81+wpa81) (< win8) (< wpa81)) (&& (< net20) (>= netstandard1.5) (< netstandard1.6) (>= portable-net45+win8+wp8+wp81+wpa81) (< win8) (< wpa81)) (&& (< net20) (>= netstandard1.6) (< netstandard2.0) (>= portable-net45+win8+wp8+wp81+wpa81) (< win8) (< wpa81)) (&& (< netstandard1.3) (>= uap10.0)) (&& (< netstandard2.0) (>= uap10.0) (< uap10.1))
    runtime.ubuntu.14.04-x64.runtime.native.System.Security.Cryptography.OpenSsl (4.3.3) - restriction: || (&& (< monoandroid) (< net20) (< netstandard1.3) (>= netstandard2.0) (< win8) (< wpa81)) (&& (< net20) (>= net46) (< netstandard1.3)) (&& (< net20) (>= net46) (< netstandard1.4)) (&& (< net20) (>= netstandard1.3) (< netstandard1.4) (>= portable-net45+win8+wp8+wp81+wpa81) (< win8) (< wpa81)) (&& (< net20) (< netstandard1.3) (>= netstandard1.4) (>= portable-net45+win8+wp8+wp81+wpa81) (< win8) (< wpa81)) (&& (< net20) (< netstandard1.3) (>= netstandard1.5) (>= portable-net45+win8+wp8+wp81+wpa81) (< win8) (< wpa81)) (&& (< net20) (< netstandard1.3) (>= netstandard1.6) (>= portable-net45+win8+wp8+wp81+wpa81) (< win8) (< wpa81)) (&& (< net20) (>= netstandard1.4) (< netstandard1.5) (>= portable-net45+win8+wp8+wp81+wpa81) (< win8) (< wpa81)) (&& (< net20) (>= netstandard1.5) (< netstandard1.6) (>= portable-net45+win8+wp8+wp81+wpa81) (< win8) (< wpa81)) (&& (< net20) (>= netstandard1.6) (< netstandard2.0) (>= portable-net45+win8+wp8+wp81+wpa81) (< win8) (< wpa81)) (&& (< netstandard1.3) (>= uap10.0)) (&& (< netstandard2.0) (>= uap10.0) (< uap10.1))
    runtime.ubuntu.16.04-x64.runtime.native.System.Security.Cryptography.OpenSsl (4.3.3) - restriction: || (&& (< monoandroid) (< net20) (< netstandard1.3) (>= netstandard2.0) (< win8) (< wpa81)) (&& (< net20) (>= net46) (< netstandard1.3)) (&& (< net20) (>= net46) (< netstandard1.4)) (&& (< net20) (>= netstandard1.3) (< netstandard1.4) (>= portable-net45+win8+wp8+wp81+wpa81) (< win8) (< wpa81)) (&& (< net20) (< netstandard1.3) (>= netstandard1.4) (>= portable-net45+win8+wp8+wp81+wpa81) (< win8) (< wpa81)) (&& (< net20) (< netstandard1.3) (>= netstandard1.5) (>= portable-net45+win8+wp8+wp81+wpa81) (< win8) (< wpa81)) (&& (< net20) (< netstandard1.3) (>= netstandard1.6) (>= portable-net45+win8+wp8+wp81+wpa81) (< win8) (< wpa81)) (&& (< net20) (>= netstandard1.4) (< netstandard1.5) (>= portable-net45+win8+wp8+wp81+wpa81) (< win8) (< wpa81)) (&& (< net20) (>= netstandard1.5) (< netstandard1.6) (>= portable-net45+win8+wp8+wp81+wpa81) (< win8) (< wpa81)) (&& (< net20) (>= netstandard1.6) (< netstandard2.0) (>= portable-net45+win8+wp8+wp81+wpa81) (< win8) (< wpa81)) (&& (< netstandard1.3) (>= uap10.0)) (&& (< netstandard2.0) (>= uap10.0) (< uap10.1))
    runtime.ubuntu.16.10-x64.runtime.native.System.Security.Cryptography.OpenSsl (4.3.3) - restriction: || (&& (< monoandroid) (< net20) (< netstandard1.3) (>= netstandard2.0) (< win8) (< wpa81)) (&& (< net20) (>= net46) (< netstandard1.3)) (&& (< net20) (>= net46) (< netstandard1.4)) (&& (< net20) (>= netstandard1.3) (< netstandard1.4) (>= portable-net45+win8+wp8+wp81+wpa81) (< win8) (< wpa81)) (&& (< net20) (< netstandard1.3) (>= netstandard1.4) (>= portable-net45+win8+wp8+wp81+wpa81) (< win8) (< wpa81)) (&& (< net20) (< netstandard1.3) (>= netstandard1.5) (>= portable-net45+win8+wp8+wp81+wpa81) (< win8) (< wpa81)) (&& (< net20) (< netstandard1.3) (>= netstandard1.6) (>= portable-net45+win8+wp8+wp81+wpa81) (< win8) (< wpa81)) (&& (< net20) (>= netstandard1.4) (< netstandard1.5) (>= portable-net45+win8+wp8+wp81+wpa81) (< win8) (< wpa81)) (&& (< net20) (>= netstandard1.5) (< netstandard1.6) (>= portable-net45+win8+wp8+wp81+wpa81) (< win8) (< wpa81)) (&& (< net20) (>= netstandard1.6) (< netstandard2.0) (>= portable-net45+win8+wp8+wp81+wpa81) (< win8) (< wpa81)) (&& (< netstandard1.3) (>= uap10.0)) (&& (< netstandard2.0) (>= uap10.0) (< uap10.1))
    runtime.ubuntu.18.04-x64.runtime.native.System.Security.Cryptography.OpenSsl (4.3.3) - restriction: || (&& (< monoandroid) (< net20) (< netstandard1.3) (>= netstandard2.0) (< win8) (< wpa81)) (&& (< net20) (>= net46) (< netstandard1.3)) (&& (< net20) (>= net46) (< netstandard1.4)) (&& (< net20) (>= netstandard1.3) (< netstandard1.4) (>= portable-net45+win8+wp8+wp81+wpa81) (< win8) (< wpa81)) (&& (< net20) (< netstandard1.3) (>= netstandard1.4) (>= portable-net45+win8+wp8+wp81+wpa81) (< win8) (< wpa81)) (&& (< net20) (< netstandard1.3) (>= netstandard1.5) (>= portable-net45+win8+wp8+wp81+wpa81) (< win8) (< wpa81)) (&& (< net20) (< netstandard1.3) (>= netstandard1.6) (>= portable-net45+win8+wp8+wp81+wpa81) (< win8) (< wpa81)) (&& (< net20) (>= netstandard1.4) (< netstandard1.5) (>= portable-net45+win8+wp8+wp81+wpa81) (< win8) (< wpa81)) (&& (< net20) (>= netstandard1.5) (< netstandard1.6) (>= portable-net45+win8+wp8+wp81+wpa81) (< win8) (< wpa81)) (&& (< net20) (>= netstandard1.6) (< netstandard2.0) (>= portable-net45+win8+wp8+wp81+wpa81) (< win8) (< wpa81)) (&& (< netstandard1.3) (>= uap10.0)) (&& (< netstandard2.0) (>= uap10.0) (< uap10.1))
    System.AppContext (4.3) - restriction: || (&& (< net20) (>= net46) (< netstandard1.3)) (&& (< net20) (>= net46) (< netstandard1.4)) (&& (< net20) (>= netstandard1.3) (< netstandard1.4) (>= portable-net45+win8+wp8+wp81+wpa81) (< win8) (< wpa81)) (&& (< net20) (< netstandard1.3) (>= netstandard1.4) (>= portable-net45+win8+wp8+wp81+wpa81) (< win8) (< wpa81)) (&& (< net20) (< netstandard1.3) (>= netstandard1.5) (>= portable-net45+win8+wp8+wp81+wpa81) (< win8) (< wpa81)) (&& (< net20) (< netstandard1.3) (>= netstandard1.6) (>= portable-net45+win8+wp8+wp81+wpa81) (< win8) (< wpa81)) (&& (< net20) (< netstandard1.3) (>= netstandard2.0) (< win8) (< wpa81)) (&& (< net20) (>= netstandard1.4) (< netstandard1.5) (>= portable-net45+win8+wp8+wp81+wpa81) (< win8) (< wpa81)) (&& (< net20) (>= netstandard1.5) (< netstandard1.6) (>= portable-net45+win8+wp8+wp81+wpa81) (< win8) (< wpa81)) (&& (< net20) (>= netstandard1.6) (< netstandard2.0) (>= portable-net45+win8+wp8+wp81+wpa81) (< win8) (< wpa81)) (&& (< netstandard1.3) (>= uap10.0)) (&& (< netstandard2.0) (>= uap10.0) (< uap10.1))
      System.Runtime (>= 4.3) - restriction: || (>= dnxcore50) (&& (< monoandroid) (< net46) (>= netstandard1.3) (< netstandard1.6)) (&& (< monotouch) (< net46) (>= netstandard1.6) (< xamarinios) (< xamarinmac) (< xamarintvos) (< xamarinwatchos))
    System.Buffers (4.5) - restriction: || (&& (< monoandroid) (< net20) (< netstandard1.3) (>= netstandard2.0) (< win8) (< wpa81)) (&& (< net20) (>= net46) (< netstandard1.3)) (&& (< net20) (>= net46) (< netstandard1.4)) (&& (< net20) (>= netstandard1.3) (< netstandard1.4) (>= portable-net45+win8+wp8+wp81+wpa81) (< win8) (< wpa81)) (&& (< net20) (< netstandard1.3) (>= netstandard1.4) (>= portable-net45+win8+wp8+wp81+wpa81) (< win8) (< wpa81)) (&& (< net20) (< netstandard1.3) (>= netstandard1.5) (>= portable-net45+win8+wp8+wp81+wpa81) (< win8) (< wpa81)) (&& (< net20) (< netstandard1.3) (>= netstandard1.6) (>= portable-net45+win8+wp8+wp81+wpa81) (< win8) (< wpa81)) (&& (< net20) (>= netstandard1.4) (< netstandard1.5) (>= portable-net45+win8+wp8+wp81+wpa81) (< win8) (< wpa81)) (&& (< net20) (>= netstandard1.5) (< netstandard1.6) (>= portable-net45+win8+wp8+wp81+wpa81) (< win8) (< wpa81)) (&& (< net20) (>= netstandard1.6) (< netstandard2.0) (>= portable-net45+win8+wp8+wp81+wpa81) (< win8) (< wpa81)) (&& (< netstandard1.3) (>= uap10.0)) (&& (< netstandard2.0) (>= uap10.0) (< uap10.1))
    System.Collections (4.3) - restriction: || (&& (< net20) (>= netstandard1.0) (>= portable-net45+win8+wp8+wp81+wpa81) (< portable-net45+win8+wpa81) (< wp8)) (&& (< net20) (>= netstandard1.1) (< netstandard1.2) (>= portable-net45+win8+wp8+wp81+wpa81) (< win8)) (&& (< net20) (>= netstandard1.2) (< netstandard1.3) (>= portable-net45+win8+wp8+wp81+wpa81) (< win8) (< wpa81)) (&& (< net20) (< netstandard1.2) (>= netstandard1.3) (>= portable-net45+win8+wp8+wp81+wpa81) (< win8)) (&& (< net20) (< netstandard1.2) (>= netstandard2.0) (< win8)) (&& (< net20) (>= netstandard1.3) (< netstandard1.4) (>= portable-net45+win8+wp8+wp81+wpa81) (< win8) (< wpa81)) (&& (< net20) (>= netstandard1.3) (>= portable-net45+win8+wp8+wp81+wpa81) (< portable-net45+win8+wpa81)) (&& (< net20) (< netstandard1.3) (>= netstandard1.4) (>= portable-net45+win8+wp8+wp81+wpa81) (< win8) (< wpa81)) (&& (< net20) (< netstandard1.3) (>= netstandard1.5) (>= portable-net45+win8+wp8+wp81+wpa81) (< win8) (< wpa81)) (&& (< net20) (< netstandard1.3) (>= netstandard1.6) (>= portable-net45+win8+wp8+wp81+wpa81) (< win8) (< wpa81)) (&& (< net20) (< netstandard1.3) (>= netstandard2.0) (< win8) (< wpa81)) (&& (< net20) (>= netstandard1.4) (< netstandard1.5) (>= portable-net45+win8+wp8+wp81+wpa81) (< win8) (< wpa81)) (&& (< net20) (>= netstandard1.4) (< netstandard2.0) (>= portable-net45+win8+wp8+wp81+wpa81)) (&& (< net20) (>= netstandard1.5) (< netstandard1.6) (>= portable-net45+win8+wp8+wp81+wpa81) (< win8) (< wpa81)) (&& (< net20) (>= netstandard1.6) (< netstandard2.0) (>= portable-net45+win8+wp8+wp81+wpa81) (< win8) (< wpa81)) (&& (< net20) (>= netstandard2.0) (< portable-net45+win8+wpa81)) (&& (< netstandard1.3) (>= uap10.0)) (&& (< netstandard2.0) (>= uap10.0) (< uap10.1))
    System.Collections.Concurrent (4.3) - restriction: || (&& (< net20) (>= netstandard1.1) (< netstandard1.2) (>= portable-net45+win8+wp8+wp81+wpa81) (< win8)) (&& (< net20) (>= netstandard1.2) (< netstandard1.3) (>= portable-net45+win8+wp8+wp81+wpa81) (< win8) (< wpa81)) (&& (< net20) (< netstandard1.2) (>= netstandard1.3) (>= portable-net45+win8+wp8+wp81+wpa81) (< win8)) (&& (< net20) (< netstandard1.2) (>= netstandard2.0) (< win8)) (&& (< net20) (>= netstandard1.3) (< netstandard1.4) (>= portable-net45+win8+wp8+wp81+wpa81) (< win8) (< wpa81)) (&& (< net20) (< netstandard1.3) (>= netstandard1.4) (>= portable-net45+win8+wp8+wp81+wpa81) (< win8) (< wpa81)) (&& (< net20) (< netstandard1.3) (>= netstandard1.5) (>= portable-net45+win8+wp8+wp81+wpa81) (< win8) (< wpa81)) (&& (< net20) (< netstandard1.3) (>= netstandard1.6) (>= portable-net45+win8+wp8+wp81+wpa81) (< win8) (< wpa81)) (&& (< net20) (< netstandard1.3) (>= netstandard2.0) (< win8) (< wpa81)) (&& (< net20) (>= netstandard1.4) (< netstandard1.5) (>= portable-net45+win8+wp8+wp81+wpa81) (< win8) (< wpa81)) (&& (< net20) (>= netstandard1.5) (< netstandard1.6) (>= portable-net45+win8+wp8+wp81+wpa81) (< win8) (< wpa81)) (&& (< net20) (>= netstandard1.6) (< netstandard2.0) (>= portable-net45+win8+wp8+wp81+wpa81) (< win8) (< wpa81)) (&& (< netstandard1.3) (>= uap10.0)) (&& (< netstandard2.0) (>= uap10.0) (< uap10.1))
    System.ComponentModel.Primitives (4.3) - restriction: || (&& (< monoandroid) (< net20) (< netstandard1.3) (>= netstandard2.0) (< win8)) (&& (< net20) (>= net45) (>= netstandard1.3) (< netstandard1.5)) (&& (< net20) (>= net45) (< netstandard1.3)) (&& (< net20) (>= net462) (< netstandard1.3)) (&& (< net20) (>= net462) (< netstandard2.0)) (&& (< net20) (>= netstandard1.0) (< netstandard1.3) (>= portable-net45+win8+wp8+wp81+wpa81) (< win8)) (&& (< net20) (>= netstandard1.3) (< netstandard1.5) (>= portable-net45+win8+wp8+wp81+wpa81) (< win8)) (&& (< net20) (< netstandard1.3) (>= netstandard1.5) (>= portable-net45+win8+wp8+wp81+wpa81) (< win8)) (&& (< net20) (>= netstandard1.5) (< netstandard2.0) (>= portable-net45+win8+wp8+wp81+wpa81) (< win8)) (&& (< netstandard1.0) (>= netstandard1.3) (>= win8)) (&& (< netstandard1.0) (>= netstandard2.0) (>= win8)) (&& (>= netstandard1.3) (< netstandard2.0) (>= wpa81)) (&& (< netstandard1.3) (>= wpa81)) (>= wp8)
    System.ComponentModel.TypeConverter (4.3) - restriction: || (&& (< net20) (>= netstandard1.0) (< netstandard1.3) (>= portable-net45+win8+wp8+wp81+wpa81)) (&& (< net20) (>= netstandard1.3) (< netstandard2.0) (>= portable-net45+win8+wp8+wp81+wpa81)) (&& (< net20) (< netstandard1.3) (>= netstandard2.0))
      System.ComponentModel.Primitives (>= 4.3) - restriction: || (&& (< monoandroid) (< monotouch) (< net45) (>= netstandard1.5) (< win8) (< xamarinios) (< xamarinmac) (< xamarintvos) (< xamarinwatchos)) (&& (< monoandroid) (< net45) (>= netstandard1.0) (< netstandard1.5) (< win8)) (&& (>= net45) (< netstandard1.5)) (>= net462) (&& (< netstandard1.0) (>= win8)) (>= wp8) (>= wpa81)
    System.Console (4.3.1) - restriction: || (&& (< net20) (>= net46) (< netstandard1.3)) (&& (< net20) (>= net46) (< netstandard1.4)) (&& (< net20) (>= netstandard1.3) (< netstandard1.4) (>= portable-net45+win8+wp8+wp81+wpa81) (< win8) (< wpa81)) (&& (< net20) (< netstandard1.3) (>= netstandard1.4) (>= portable-net45+win8+wp8+wp81+wpa81) (< win8) (< wpa81)) (&& (< net20) (< netstandard1.3) (>= netstandard1.5) (>= portable-net45+win8+wp8+wp81+wpa81) (< win8) (< wpa81)) (&& (< net20) (< netstandard1.3) (>= netstandard1.6) (>= portable-net45+win8+wp8+wp81+wpa81) (< win8) (< wpa81)) (&& (< net20) (< netstandard1.3) (>= netstandard2.0) (< win8) (< wpa81)) (&& (< net20) (>= netstandard1.4) (< netstandard1.5) (>= portable-net45+win8+wp8+wp81+wpa81) (< win8) (< wpa81)) (&& (< net20) (>= netstandard1.5) (< netstandard1.6) (>= portable-net45+win8+wp8+wp81+wpa81) (< win8) (< wpa81)) (&& (< net20) (>= netstandard1.6) (< netstandard2.0) (>= portable-net45+win8+wp8+wp81+wpa81) (< win8) (< wpa81)) (&& (< netstandard1.3) (>= uap10.0)) (&& (< netstandard2.0) (>= uap10.0) (< uap10.1))
      Microsoft.NETCore.Platforms (>= 1.1) - restriction: && (< monoandroid) (< monotouch) (< net46) (>= netstandard1.3) (< xamarinios) (< xamarinmac) (< xamarintvos) (< xamarinwatchos)
      Microsoft.NETCore.Targets (>= 1.1.2) - restriction: && (< monoandroid) (< monotouch) (< net46) (>= netstandard1.3) (< xamarinios) (< xamarinmac) (< xamarintvos) (< xamarinwatchos)
      System.IO (>= 4.3) - restriction: && (< monoandroid) (< monotouch) (< net46) (>= netstandard1.3) (< xamarinios) (< xamarinmac) (< xamarintvos) (< xamarinwatchos)
      System.Runtime (>= 4.3) - restriction: && (< monoandroid) (< monotouch) (< net46) (>= netstandard1.3) (< xamarinios) (< xamarinmac) (< xamarintvos) (< xamarinwatchos)
      System.Text.Encoding (>= 4.3) - restriction: && (< monoandroid) (< monotouch) (< net46) (>= netstandard1.3) (< xamarinios) (< xamarinmac) (< xamarintvos) (< xamarinwatchos)
    System.Diagnostics.Debug (4.3) - restriction: || (&& (< net20) (>= netstandard1.0) (>= portable-net45+win8+wp8+wp81+wpa81) (< portable-net45+win8+wpa81) (< wp8)) (&& (< net20) (>= netstandard1.1) (< netstandard1.2) (>= portable-net45+win8+wp8+wp81+wpa81) (< win8)) (&& (< net20) (>= netstandard1.2) (< netstandard1.3) (>= portable-net45+win8+wp8+wp81+wpa81) (< win8) (< wpa81)) (&& (< net20) (< netstandard1.2) (>= netstandard1.3) (>= portable-net45+win8+wp8+wp81+wpa81) (< win8)) (&& (< net20) (< netstandard1.2) (>= netstandard2.0) (< win8)) (&& (< net20) (>= netstandard1.3) (< netstandard1.4) (>= portable-net45+win8+wp8+wp81+wpa81) (< win8) (< wpa81)) (&& (< net20) (>= netstandard1.3) (< netstandard2.0) (>= portable-net45+win8+wp8+wp81+wpa81)) (&& (< net20) (>= netstandard1.3) (>= portable-net45+win8+wp8+wp81+wpa81) (< portable-net45+win8+wpa81)) (&& (< net20) (< netstandard1.3) (>= netstandard1.4) (>= portable-net45+win8+wp8+wp81+wpa81) (< win8) (< wpa81)) (&& (< net20) (< netstandard1.3) (>= netstandard1.5) (>= portable-net45+win8+wp8+wp81+wpa81) (< win8) (< wpa81)) (&& (< net20) (< netstandard1.3) (>= netstandard1.6) (>= portable-net45+win8+wp8+wp81+wpa81) (< win8) (< wpa81)) (&& (< net20) (< netstandard1.3) (>= netstandard2.0) (< win8) (< wpa81)) (&& (< net20) (>= netstandard1.4) (< netstandard1.5) (>= portable-net45+win8+wp8+wp81+wpa81) (< win8) (< wpa81)) (&& (< net20) (>= netstandard1.5) (< netstandard1.6) (>= portable-net45+win8+wp8+wp81+wpa81) (< win8) (< wpa81)) (&& (< net20) (>= netstandard1.6) (< netstandard2.0) (>= portable-net45+win8+wp8+wp81+wpa81) (< win8) (< wpa81)) (&& (< net20) (>= netstandard2.0) (< portable-net45+win8+wpa81)) (&& (< netstandard1.3) (>= uap10.0)) (&& (< netstandard2.0) (>= uap10.0) (< uap10.1))
    System.Diagnostics.Tools (4.3) - restriction: || (&& (< net20) (>= netstandard1.0) (>= portable-net45+win8+wp8+wp81+wpa81) (< portable-net45+win8+wpa81) (< wp8)) (&& (< net20) (>= netstandard1.1) (< netstandard1.2) (>= portable-net45+win8+wp8+wp81+wpa81) (< win8)) (&& (< net20) (>= netstandard1.2) (< netstandard1.3) (>= portable-net45+win8+wp8+wp81+wpa81) (< win8) (< wpa81)) (&& (< net20) (< netstandard1.2) (>= netstandard1.3) (>= portable-net45+win8+wp8+wp81+wpa81) (< win8)) (&& (< net20) (< netstandard1.2) (>= netstandard2.0) (< win8)) (&& (< net20) (>= netstandard1.3) (< netstandard1.4) (>= portable-net45+win8+wp8+wp81+wpa81) (< win8) (< wpa81)) (&& (< net20) (>= netstandard1.3) (>= portable-net45+win8+wp8+wp81+wpa81) (< portable-net45+win8+wpa81)) (&& (< net20) (< netstandard1.3) (>= netstandard1.4) (>= portable-net45+win8+wp8+wp81+wpa81) (< win8) (< wpa81)) (&& (< net20) (< netstandard1.3) (>= netstandard1.5) (>= portable-net45+win8+wp8+wp81+wpa81) (< win8) (< wpa81)) (&& (< net20) (< netstandard1.3) (>= netstandard1.6) (>= portable-net45+win8+wp8+wp81+wpa81) (< win8) (< wpa81)) (&& (< net20) (< netstandard1.3) (>= netstandard2.0) (< win8) (< wpa81)) (&& (< net20) (>= netstandard1.4) (< netstandard1.5) (>= portable-net45+win8+wp8+wp81+wpa81) (< win8) (< wpa81)) (&& (< net20) (>= netstandard1.5) (< netstandard1.6) (>= portable-net45+win8+wp8+wp81+wpa81) (< win8) (< wpa81)) (&& (< net20) (>= netstandard1.6) (< netstandard2.0) (>= portable-net45+win8+wp8+wp81+wpa81) (< win8) (< wpa81)) (&& (< net20) (>= netstandard2.0) (< portable-net45+win8+wpa81)) (&& (< netstandard1.3) (>= uap10.0)) (&& (< netstandard2.0) (>= uap10.0) (< uap10.1))
    System.Diagnostics.Tracing (4.3) - restriction: || (&& (< net20) (>= netstandard1.1) (< netstandard1.2) (>= portable-net45+win8+wp8+wp81+wpa81) (< win8)) (&& (< net20) (>= netstandard1.2) (< netstandard1.3) (>= portable-net45+win8+wp8+wp81+wpa81) (< win8) (< wpa81)) (&& (< net20) (< netstandard1.2) (>= netstandard1.3) (>= portable-net45+win8+wp8+wp81+wpa81) (< win8)) (&& (< net20) (< netstandard1.2) (>= netstandard2.0) (< win8)) (&& (< net20) (>= netstandard1.3) (< netstandard1.4) (>= portable-net45+win8+wp8+wp81+wpa81) (< win8) (< wpa81)) (&& (< net20) (< netstandard1.3) (>= netstandard1.4) (>= portable-net45+win8+wp8+wp81+wpa81) (< win8) (< wpa81)) (&& (< net20) (< netstandard1.3) (>= netstandard1.5) (>= portable-net45+win8+wp8+wp81+wpa81) (< win8) (< wpa81)) (&& (< net20) (< netstandard1.3) (>= netstandard1.6) (>= portable-net45+win8+wp8+wp81+wpa81) (< win8) (< wpa81)) (&& (< net20) (< netstandard1.3) (>= netstandard2.0) (< win8) (< wpa81)) (&& (< net20) (>= netstandard1.4) (< netstandard1.5) (>= portable-net45+win8+wp8+wp81+wpa81) (< win8) (< wpa81)) (&& (< net20) (>= netstandard1.5) (< netstandard1.6) (>= portable-net45+win8+wp8+wp81+wpa81) (< win8) (< wpa81)) (&& (< net20) (>= netstandard1.6) (< netstandard2.0) (>= portable-net45+win8+wp8+wp81+wpa81) (< win8) (< wpa81)) (&& (< netstandard1.3) (>= uap10.0)) (&& (< netstandard2.0) (>= uap10.0) (< uap10.1))
    System.Globalization (4.3) - restriction: || (&& (< net20) (>= netstandard1.0) (>= portable-net45+win8+wp8+wp81+wpa81) (< portable-net45+win8+wpa81) (< wp8)) (&& (< net20) (>= netstandard1.1) (< netstandard1.2) (>= portable-net45+win8+wp8+wp81+wpa81) (< win8)) (&& (< net20) (>= netstandard1.2) (< netstandard1.3) (>= portable-net45+win8+wp8+wp81+wpa81) (< win8) (< wpa81)) (&& (< net20) (< netstandard1.2) (>= netstandard1.3) (>= portable-net45+win8+wp8+wp81+wpa81) (< win8)) (&& (< net20) (< netstandard1.2) (>= netstandard2.0) (< win8)) (&& (< net20) (>= netstandard1.3) (< netstandard1.4) (>= portable-net45+win8+wp8+wp81+wpa81) (< win8) (< wpa81)) (&& (< net20) (>= netstandard1.3) (< netstandard2.0) (>= portable-net45+win8+wp8+wp81+wpa81)) (&& (< net20) (>= netstandard1.3) (>= portable-net45+win8+wp8+wp81+wpa81) (< portable-net45+win8+wpa81)) (&& (< net20) (< netstandard1.3) (>= netstandard1.4) (>= portable-net45+win8+wp8+wp81+wpa81) (< win8) (< wpa81)) (&& (< net20) (< netstandard1.3) (>= netstandard1.5) (>= portable-net45+win8+wp8+wp81+wpa81) (< win8) (< wpa81)) (&& (< net20) (< netstandard1.3) (>= netstandard1.6) (>= portable-net45+win8+wp8+wp81+wpa81) (< win8) (< wpa81)) (&& (< net20) (< netstandard1.3) (>= netstandard2.0) (< win8) (< wpa81)) (&& (< net20) (>= netstandard1.4) (< netstandard1.5) (>= portable-net45+win8+wp8+wp81+wpa81) (< win8) (< wpa81)) (&& (< net20) (>= netstandard1.5) (< netstandard1.6) (>= portable-net45+win8+wp8+wp81+wpa81) (< win8) (< wpa81)) (&& (< net20) (>= netstandard1.6) (< netstandard2.0) (>= portable-net45+win8+wp8+wp81+wpa81) (< win8) (< wpa81)) (&& (< net20) (>= netstandard2.0) (< portable-net45+win8+wpa81)) (&& (< netstandard1.3) (>= uap10.0)) (&& (< netstandard2.0) (>= uap10.0) (< uap10.1))
    System.Globalization.Calendars (4.3) - restriction: || (&& (< net20) (>= net46) (< netstandard1.3)) (&& (< net20) (>= net46) (< netstandard1.4)) (&& (< net20) (>= netstandard1.3) (< netstandard1.4) (>= portable-net45+win8+wp8+wp81+wpa81) (< win8) (< wpa81)) (&& (< net20) (< netstandard1.3) (>= netstandard1.4) (>= portable-net45+win8+wp8+wp81+wpa81) (< win8) (< wpa81)) (&& (< net20) (< netstandard1.3) (>= netstandard1.5) (>= portable-net45+win8+wp8+wp81+wpa81) (< win8) (< wpa81)) (&& (< net20) (< netstandard1.3) (>= netstandard1.6) (>= portable-net45+win8+wp8+wp81+wpa81) (< win8) (< wpa81)) (&& (< net20) (< netstandard1.3) (>= netstandard2.0) (< win8) (< wpa81)) (&& (< net20) (>= netstandard1.4) (< netstandard1.5) (>= portable-net45+win8+wp8+wp81+wpa81) (< win8) (< wpa81)) (&& (< net20) (>= netstandard1.5) (< netstandard1.6) (>= portable-net45+win8+wp8+wp81+wpa81) (< win8) (< wpa81)) (&& (< net20) (>= netstandard1.6) (< netstandard2.0) (>= portable-net45+win8+wp8+wp81+wpa81) (< win8) (< wpa81)) (&& (< netstandard1.3) (>= uap10.0)) (&& (< netstandard2.0) (>= uap10.0) (< uap10.1))
      Microsoft.NETCore.Platforms (>= 1.1) - restriction: && (< monoandroid) (< monotouch) (< net46) (>= netstandard1.3) (< xamarinios) (< xamarinmac) (< xamarintvos) (< xamarinwatchos)
      Microsoft.NETCore.Targets (>= 1.1) - restriction: && (< monoandroid) (< monotouch) (< net46) (>= netstandard1.3) (< xamarinios) (< xamarinmac) (< xamarintvos) (< xamarinwatchos)
      System.Globalization (>= 4.3) - restriction: && (< monoandroid) (< monotouch) (< net46) (>= netstandard1.3) (< xamarinios) (< xamarinmac) (< xamarintvos) (< xamarinwatchos)
      System.Runtime (>= 4.3) - restriction: && (< monoandroid) (< monotouch) (< net46) (>= netstandard1.3) (< xamarinios) (< xamarinmac) (< xamarintvos) (< xamarinwatchos)
    System.IO (4.3) - restriction: || (&& (< net20) (>= netstandard1.0) (>= portable-net45+win8+wp8+wp81+wpa81) (< portable-net45+win8+wpa81) (< wp8)) (&& (< net20) (>= netstandard1.1) (< netstandard1.2) (>= portable-net45+win8+wp8+wp81+wpa81) (< win8)) (&& (< net20) (>= netstandard1.2) (< netstandard1.3) (>= portable-net45+win8+wp8+wp81+wpa81) (< win8) (< wpa81)) (&& (< net20) (< netstandard1.2) (>= netstandard1.3) (>= portable-net45+win8+wp8+wp81+wpa81) (< win8)) (&& (< net20) (< netstandard1.2) (>= netstandard2.0) (< win8)) (&& (< net20) (>= netstandard1.3) (< netstandard1.4) (>= portable-net45+win8+wp8+wp81+wpa81) (< win8) (< wpa81)) (&& (< net20) (>= netstandard1.3) (< netstandard2.0) (>= portable-net45+win8+wp8+wp81+wpa81)) (&& (< net20) (>= netstandard1.3) (>= portable-net45+win8+wp8+wp81+wpa81) (< portable-net45+win8+wpa81)) (&& (< net20) (< netstandard1.3) (>= netstandard1.4) (>= portable-net45+win8+wp8+wp81+wpa81) (< win8) (< wpa81)) (&& (< net20) (< netstandard1.3) (>= netstandard1.5) (>= portable-net45+win8+wp8+wp81+wpa81) (< win8) (< wpa81)) (&& (< net20) (< netstandard1.3) (>= netstandard1.6) (>= portable-net45+win8+wp8+wp81+wpa81) (< win8) (< wpa81)) (&& (< net20) (< netstandard1.3) (>= netstandard2.0) (< win8) (< wpa81)) (&& (< net20) (>= netstandard1.4) (< netstandard1.5) (>= portable-net45+win8+wp8+wp81+wpa81) (< win8) (< wpa81)) (&& (< net20) (>= netstandard1.5) (< netstandard1.6) (>= portable-net45+win8+wp8+wp81+wpa81) (< win8) (< wpa81)) (&& (< net20) (>= netstandard1.6) (< netstandard2.0) (>= portable-net45+win8+wp8+wp81+wpa81) (< win8) (< wpa81)) (&& (< net20) (>= netstandard2.0) (< portable-net45+win8+wpa81)) (&& (< netstandard1.3) (>= uap10.0)) (&& (< netstandard2.0) (>= uap10.0) (< uap10.1))
    System.IO.Compression (4.3) - restriction: || (&& (< net20) (>= net46) (< netstandard1.3)) (&& (< net20) (>= net46) (< netstandard1.4)) (&& (< net20) (>= netstandard1.1) (< netstandard1.2) (>= portable-net45+win8+wp8+wp81+wpa81) (< win8)) (&& (< net20) (>= netstandard1.2) (< netstandard1.3) (>= portable-net45+win8+wp8+wp81+wpa81) (< win8) (< wpa81)) (&& (< net20) (< netstandard1.2) (>= netstandard1.3) (>= portable-net45+win8+wp8+wp81+wpa81) (< win8)) (&& (< net20) (< netstandard1.2) (>= netstandard2.0) (< win8)) (&& (< net20) (>= netstandard1.3) (< netstandard1.4) (>= portable-net45+win8+wp8+wp81+wpa81) (< win8) (< wpa81)) (&& (< net20) (< netstandard1.3) (>= netstandard1.4) (>= portable-net45+win8+wp8+wp81+wpa81) (< win8) (< wpa81)) (&& (< net20) (< netstandard1.3) (>= netstandard1.5) (>= portable-net45+win8+wp8+wp81+wpa81) (< win8) (< wpa81)) (&& (< net20) (< netstandard1.3) (>= netstandard1.6) (>= portable-net45+win8+wp8+wp81+wpa81) (< win8) (< wpa81)) (&& (< net20) (< netstandard1.3) (>= netstandard2.0) (< win8) (< wpa81)) (&& (< net20) (>= netstandard1.4) (< netstandard1.5) (>= portable-net45+win8+wp8+wp81+wpa81) (< win8) (< wpa81)) (&& (< net20) (>= netstandard1.5) (< netstandard1.6) (>= portable-net45+win8+wp8+wp81+wpa81) (< win8) (< wpa81)) (&& (< net20) (>= netstandard1.6) (< netstandard2.0) (>= portable-net45+win8+wp8+wp81+wpa81) (< win8) (< wpa81)) (&& (< netstandard1.3) (>= uap10.0)) (&& (< netstandard2.0) (>= uap10.0) (< uap10.1))
    System.IO.Compression.ZipFile (4.3) - restriction: || (&& (< net20) (>= net46) (< netstandard1.3)) (&& (< net20) (>= net46) (< netstandard1.4)) (&& (< net20) (>= netstandard1.3) (< netstandard1.4) (>= portable-net45+win8+wp8+wp81+wpa81) (< win8) (< wpa81)) (&& (< net20) (< netstandard1.3) (>= netstandard1.4) (>= portable-net45+win8+wp8+wp81+wpa81) (< win8) (< wpa81)) (&& (< net20) (< netstandard1.3) (>= netstandard1.5) (>= portable-net45+win8+wp8+wp81+wpa81) (< win8) (< wpa81)) (&& (< net20) (< netstandard1.3) (>= netstandard1.6) (>= portable-net45+win8+wp8+wp81+wpa81) (< win8) (< wpa81)) (&& (< net20) (< netstandard1.3) (>= netstandard2.0) (< win8) (< wpa81)) (&& (< net20) (>= netstandard1.4) (< netstandard1.5) (>= portable-net45+win8+wp8+wp81+wpa81) (< win8) (< wpa81)) (&& (< net20) (>= netstandard1.5) (< netstandard1.6) (>= portable-net45+win8+wp8+wp81+wpa81) (< win8) (< wpa81)) (&& (< net20) (>= netstandard1.6) (< netstandard2.0) (>= portable-net45+win8+wp8+wp81+wpa81) (< win8) (< wpa81)) (&& (< netstandard1.3) (>= uap10.0)) (&& (< netstandard2.0) (>= uap10.0) (< uap10.1))
      System.Buffers (>= 4.3) - restriction: && (< monoandroid) (< monotouch) (< net46) (>= netstandard1.3) (< xamarinios) (< xamarinmac) (< xamarintvos) (< xamarinwatchos)
      System.IO (>= 4.3) - restriction: && (< monoandroid) (< monotouch) (< net46) (>= netstandard1.3) (< xamarinios) (< xamarinmac) (< xamarintvos) (< xamarinwatchos)
      System.IO.Compression (>= 4.3) - restriction: && (< monoandroid) (< monotouch) (< net46) (>= netstandard1.3) (< xamarinios) (< xamarinmac) (< xamarintvos) (< xamarinwatchos)
      System.IO.FileSystem (>= 4.3) - restriction: && (< monoandroid) (< monotouch) (< net46) (>= netstandard1.3) (< xamarinios) (< xamarinmac) (< xamarintvos) (< xamarinwatchos)
      System.IO.FileSystem.Primitives (>= 4.3) - restriction: && (< monoandroid) (< monotouch) (< net46) (>= netstandard1.3) (< xamarinios) (< xamarinmac) (< xamarintvos) (< xamarinwatchos)
      System.Resources.ResourceManager (>= 4.3) - restriction: && (< monoandroid) (< monotouch) (< net46) (>= netstandard1.3) (< xamarinios) (< xamarinmac) (< xamarintvos) (< xamarinwatchos)
      System.Runtime (>= 4.3) - restriction: && (< monoandroid) (< monotouch) (< net46) (>= netstandard1.3) (< xamarinios) (< xamarinmac) (< xamarintvos) (< xamarinwatchos)
      System.Runtime.Extensions (>= 4.3) - restriction: && (< monoandroid) (< monotouch) (< net46) (>= netstandard1.3) (< xamarinios) (< xamarinmac) (< xamarintvos) (< xamarinwatchos)
      System.Text.Encoding (>= 4.3) - restriction: && (< monoandroid) (< monotouch) (< net46) (>= netstandard1.3) (< xamarinios) (< xamarinmac) (< xamarintvos) (< xamarinwatchos)
    System.IO.FileSystem (4.3) - restriction: || (&& (< net20) (>= net46) (< netstandard1.3)) (&& (< net20) (>= net46) (< netstandard1.4)) (&& (< net20) (>= netstandard1.3) (< netstandard1.4) (>= portable-net45+win8+wp8+wp81+wpa81) (< win8) (< wpa81)) (&& (< net20) (< netstandard1.3) (>= netstandard1.4) (>= portable-net45+win8+wp8+wp81+wpa81) (< win8) (< wpa81)) (&& (< net20) (< netstandard1.3) (>= netstandard1.5) (>= portable-net45+win8+wp8+wp81+wpa81) (< win8) (< wpa81)) (&& (< net20) (< netstandard1.3) (>= netstandard1.6) (>= portable-net45+win8+wp8+wp81+wpa81) (< win8) (< wpa81)) (&& (< net20) (< netstandard1.3) (>= netstandard2.0) (< win8) (< wpa81)) (&& (< net20) (>= netstandard1.4) (< netstandard1.5) (>= portable-net45+win8+wp8+wp81+wpa81) (< win8) (< wpa81)) (&& (< net20) (>= netstandard1.5) (< netstandard1.6) (>= portable-net45+win8+wp8+wp81+wpa81) (< win8) (< wpa81)) (&& (< net20) (>= netstandard1.6) (< netstandard2.0) (>= portable-net45+win8+wp8+wp81+wpa81) (< win8) (< wpa81)) (&& (< netstandard1.3) (>= uap10.0)) (&& (< netstandard2.0) (>= uap10.0) (< uap10.1))
      Microsoft.NETCore.Platforms (>= 1.1) - restriction: && (< monoandroid) (< monotouch) (< net46) (>= netstandard1.3) (< xamarinios) (< xamarinmac) (< xamarintvos) (< xamarinwatchos)
      Microsoft.NETCore.Targets (>= 1.1) - restriction: && (< monoandroid) (< monotouch) (< net46) (>= netstandard1.3) (< xamarinios) (< xamarinmac) (< xamarintvos) (< xamarinwatchos)
      System.IO (>= 4.3) - restriction: && (< monoandroid) (< monotouch) (< net46) (>= netstandard1.3) (< xamarinios) (< xamarinmac) (< xamarintvos) (< xamarinwatchos)
      System.IO.FileSystem.Primitives (>= 4.3) - restriction: || (&& (< monoandroid) (< monotouch) (>= netstandard1.3) (< xamarinios) (< xamarinmac) (< xamarintvos) (< xamarinwatchos)) (>= net46)
      System.Runtime (>= 4.3) - restriction: && (< monoandroid) (< monotouch) (< net46) (>= netstandard1.3) (< xamarinios) (< xamarinmac) (< xamarintvos) (< xamarinwatchos)
      System.Runtime.Handles (>= 4.3) - restriction: && (< monoandroid) (< monotouch) (< net46) (>= netstandard1.3) (< xamarinios) (< xamarinmac) (< xamarintvos) (< xamarinwatchos)
      System.Text.Encoding (>= 4.3) - restriction: && (< monoandroid) (< monotouch) (< net46) (>= netstandard1.3) (< xamarinios) (< xamarinmac) (< xamarintvos) (< xamarinwatchos)
      System.Threading.Tasks (>= 4.3) - restriction: && (< monoandroid) (< monotouch) (< net46) (>= netstandard1.3) (< xamarinios) (< xamarinmac) (< xamarintvos) (< xamarinwatchos)
    System.IO.FileSystem.Primitives (4.3) - restriction: || (&& (< net20) (>= net46) (< netstandard1.3)) (&& (< net20) (>= net46) (< netstandard1.4)) (&& (< net20) (>= netstandard1.3) (< netstandard1.4) (>= portable-net45+win8+wp8+wp81+wpa81) (< win8) (< wpa81)) (&& (< net20) (< netstandard1.3) (>= netstandard1.4) (>= portable-net45+win8+wp8+wp81+wpa81) (< win8) (< wpa81)) (&& (< net20) (< netstandard1.3) (>= netstandard1.5) (>= portable-net45+win8+wp8+wp81+wpa81) (< win8) (< wpa81)) (&& (< net20) (< netstandard1.3) (>= netstandard1.6) (>= portable-net45+win8+wp8+wp81+wpa81) (< win8) (< wpa81)) (&& (< net20) (< netstandard1.3) (>= netstandard2.0) (< win8) (< wpa81)) (&& (< net20) (>= netstandard1.4) (< netstandard1.5) (>= portable-net45+win8+wp8+wp81+wpa81) (< win8) (< wpa81)) (&& (< net20) (>= netstandard1.5) (< netstandard1.6) (>= portable-net45+win8+wp8+wp81+wpa81) (< win8) (< wpa81)) (&& (< net20) (>= netstandard1.6) (< netstandard2.0) (>= portable-net45+win8+wp8+wp81+wpa81) (< win8) (< wpa81)) (&& (< netstandard1.3) (>= uap10.0)) (&& (< netstandard2.0) (>= uap10.0) (< uap10.1))
      System.Runtime (>= 4.3) - restriction: && (< monoandroid) (< monotouch) (< net46) (>= netstandard1.3) (< xamarinios) (< xamarinmac) (< xamarintvos) (< xamarinwatchos)
    System.Linq (4.3) - restriction: || (&& (< net20) (>= netstandard1.0) (>= portable-net45+win8+wp8+wp81+wpa81) (< portable-net45+win8+wpa81) (< wp8)) (&& (< net20) (>= netstandard1.1) (< netstandard1.2) (>= portable-net45+win8+wp8+wp81+wpa81) (< win8)) (&& (< net20) (>= netstandard1.2) (< netstandard1.3) (>= portable-net45+win8+wp8+wp81+wpa81) (< win8) (< wpa81)) (&& (< net20) (< netstandard1.2) (>= netstandard1.3) (>= portable-net45+win8+wp8+wp81+wpa81) (< win8)) (&& (< net20) (< netstandard1.2) (>= netstandard2.0) (< win8)) (&& (< net20) (>= netstandard1.3) (< netstandard1.4) (>= portable-net45+win8+wp8+wp81+wpa81) (< win8) (< wpa81)) (&& (< net20) (>= netstandard1.3) (>= portable-net45+win8+wp8+wp81+wpa81) (< portable-net45+win8+wpa81)) (&& (< net20) (< netstandard1.3) (>= netstandard1.4) (>= portable-net45+win8+wp8+wp81+wpa81) (< win8) (< wpa81)) (&& (< net20) (< netstandard1.3) (>= netstandard1.5) (>= portable-net45+win8+wp8+wp81+wpa81) (< win8) (< wpa81)) (&& (< net20) (< netstandard1.3) (>= netstandard1.6) (>= portable-net45+win8+wp8+wp81+wpa81) (< win8) (< wpa81)) (&& (< net20) (< netstandard1.3) (>= netstandard2.0) (< win8) (< wpa81)) (&& (< net20) (>= netstandard1.4) (< netstandard1.5) (>= portable-net45+win8+wp8+wp81+wpa81) (< win8) (< wpa81)) (&& (< net20) (>= netstandard1.5) (< netstandard1.6) (>= portable-net45+win8+wp8+wp81+wpa81) (< win8) (< wpa81)) (&& (< net20) (>= netstandard1.6) (< netstandard2.0) (>= portable-net45+win8+wp8+wp81+wpa81) (< win8) (< wpa81)) (&& (< net20) (>= netstandard2.0) (< portable-net45+win8+wpa81)) (&& (< netstandard1.3) (>= uap10.0)) (&& (< netstandard2.0) (>= uap10.0) (< uap10.1))
    System.Linq.Expressions (4.3) - restriction: || (&& (< net20) (>= netstandard1.0) (>= portable-net45+win8+wp8+wp81+wpa81) (< portable-net45+win8+wpa81) (< wp8)) (&& (< net20) (>= netstandard1.1) (< netstandard1.2) (>= portable-net45+win8+wp8+wp81+wpa81) (< win8)) (&& (< net20) (>= netstandard1.2) (< netstandard1.3) (>= portable-net45+win8+wp8+wp81+wpa81) (< win8) (< wpa81)) (&& (< net20) (< netstandard1.2) (>= netstandard1.3) (>= portable-net45+win8+wp8+wp81+wpa81) (< win8)) (&& (< net20) (< netstandard1.2) (>= netstandard2.0) (< win8)) (&& (< net20) (>= netstandard1.3) (< netstandard1.4) (>= portable-net45+win8+wp8+wp81+wpa81) (< win8) (< wpa81)) (&& (< net20) (>= netstandard1.3) (>= portable-net45+win8+wp8+wp81+wpa81) (< portable-net45+win8+wpa81)) (&& (< net20) (< netstandard1.3) (>= netstandard1.4) (>= portable-net45+win8+wp8+wp81+wpa81) (< win8) (< wpa81)) (&& (< net20) (< netstandard1.3) (>= netstandard1.5) (>= portable-net45+win8+wp8+wp81+wpa81) (< win8) (< wpa81)) (&& (< net20) (< netstandard1.3) (>= netstandard1.6) (>= portable-net45+win8+wp8+wp81+wpa81) (< win8) (< wpa81)) (&& (< net20) (< netstandard1.3) (>= netstandard2.0) (< win8) (< wpa81)) (&& (< net20) (>= netstandard1.4) (< netstandard1.5) (>= portable-net45+win8+wp8+wp81+wpa81) (< win8) (< wpa81)) (&& (< net20) (>= netstandard1.5) (< netstandard1.6) (>= portable-net45+win8+wp8+wp81+wpa81) (< win8) (< wpa81)) (&& (< net20) (>= netstandard1.6) (< netstandard2.0) (>= portable-net45+win8+wp8+wp81+wpa81) (< win8) (< wpa81)) (&& (< net20) (>= netstandard2.0) (< portable-net45+win8+wpa81)) (&& (< netstandard1.3) (>= uap10.0)) (&& (< netstandard2.0) (>= uap10.0) (< uap10.1))
    System.Net.Http (4.3.3) - restriction: || (&& (< net20) (>= net46) (< netstandard1.3)) (&& (< net20) (>= net46) (< netstandard1.4)) (&& (< net20) (>= netstandard1.1) (< netstandard1.2) (>= portable-net45+win8+wp8+wp81+wpa81) (< win8)) (&& (< net20) (>= netstandard1.2) (< netstandard1.3) (>= portable-net45+win8+wp8+wp81+wpa81) (< win8) (< wpa81)) (&& (< net20) (< netstandard1.2) (>= netstandard1.3) (>= portable-net45+win8+wp8+wp81+wpa81) (< win8)) (&& (< net20) (< netstandard1.2) (>= netstandard2.0) (< win8)) (&& (< net20) (>= netstandard1.3) (< netstandard1.4) (>= portable-net45+win8+wp8+wp81+wpa81) (< win8) (< wpa81)) (&& (< net20) (< netstandard1.3) (>= netstandard1.4) (>= portable-net45+win8+wp8+wp81+wpa81) (< win8) (< wpa81)) (&& (< net20) (< netstandard1.3) (>= netstandard1.5) (>= portable-net45+win8+wp8+wp81+wpa81) (< win8) (< wpa81)) (&& (< net20) (< netstandard1.3) (>= netstandard1.6) (>= portable-net45+win8+wp8+wp81+wpa81) (< win8) (< wpa81)) (&& (< net20) (< netstandard1.3) (>= netstandard2.0) (< win8) (< wpa81)) (&& (< net20) (>= netstandard1.4) (< netstandard1.5) (>= portable-net45+win8+wp8+wp81+wpa81) (< win8) (< wpa81)) (&& (< net20) (>= netstandard1.5) (< netstandard1.6) (>= portable-net45+win8+wp8+wp81+wpa81) (< win8) (< wpa81)) (&& (< net20) (>= netstandard1.6) (< netstandard2.0) (>= portable-net45+win8+wp8+wp81+wpa81) (< win8) (< wpa81)) (&& (< netstandard1.3) (>= uap10.0)) (&& (< netstandard2.0) (>= uap10.0) (< uap10.1))
    System.Net.Primitives (4.3) - restriction: || (&& (< net20) (>= netstandard1.0) (>= portable-net45+win8+wp8+wp81+wpa81) (< portable-net45+win8+wpa81) (< wp8)) (&& (< net20) (>= netstandard1.1) (< netstandard1.2) (>= portable-net45+win8+wp8+wp81+wpa81) (< win8)) (&& (< net20) (>= netstandard1.2) (< netstandard1.3) (>= portable-net45+win8+wp8+wp81+wpa81) (< win8) (< wpa81)) (&& (< net20) (< netstandard1.2) (>= netstandard1.3) (>= portable-net45+win8+wp8+wp81+wpa81) (< win8)) (&& (< net20) (< netstandard1.2) (>= netstandard2.0) (< win8)) (&& (< net20) (>= netstandard1.3) (< netstandard1.4) (>= portable-net45+win8+wp8+wp81+wpa81) (< win8) (< wpa81)) (&& (< net20) (>= netstandard1.3) (>= portable-net45+win8+wp8+wp81+wpa81) (< portable-net45+win8+wpa81)) (&& (< net20) (< netstandard1.3) (>= netstandard1.4) (>= portable-net45+win8+wp8+wp81+wpa81) (< win8) (< wpa81)) (&& (< net20) (< netstandard1.3) (>= netstandard1.5) (>= portable-net45+win8+wp8+wp81+wpa81) (< win8) (< wpa81)) (&& (< net20) (< netstandard1.3) (>= netstandard1.6) (>= portable-net45+win8+wp8+wp81+wpa81) (< win8) (< wpa81)) (&& (< net20) (< netstandard1.3) (>= netstandard2.0) (< win8) (< wpa81)) (&& (< net20) (>= netstandard1.4) (< netstandard1.5) (>= portable-net45+win8+wp8+wp81+wpa81) (< win8) (< wpa81)) (&& (< net20) (>= netstandard1.5) (< netstandard1.6) (>= portable-net45+win8+wp8+wp81+wpa81) (< win8) (< wpa81)) (&& (< net20) (>= netstandard1.6) (< netstandard2.0) (>= portable-net45+win8+wp8+wp81+wpa81) (< win8) (< wpa81)) (&& (< net20) (>= netstandard2.0) (< portable-net45+win8+wpa81)) (&& (< netstandard1.3) (>= uap10.0)) (&& (< netstandard2.0) (>= uap10.0) (< uap10.1))
    System.Net.Sockets (4.3) - restriction: || (&& (< net20) (>= net46) (< netstandard1.3)) (&& (< net20) (>= net46) (< netstandard1.4)) (&& (< net20) (>= netstandard1.3) (< netstandard1.4) (>= portable-net45+win8+wp8+wp81+wpa81) (< win8) (< wpa81)) (&& (< net20) (< netstandard1.3) (>= netstandard1.4) (>= portable-net45+win8+wp8+wp81+wpa81) (< win8) (< wpa81)) (&& (< net20) (< netstandard1.3) (>= netstandard1.5) (>= portable-net45+win8+wp8+wp81+wpa81) (< win8) (< wpa81)) (&& (< net20) (< netstandard1.3) (>= netstandard1.6) (>= portable-net45+win8+wp8+wp81+wpa81) (< win8) (< wpa81)) (&& (< net20) (< netstandard1.3) (>= netstandard2.0) (< win8) (< wpa81)) (&& (< net20) (>= netstandard1.4) (< netstandard1.5) (>= portable-net45+win8+wp8+wp81+wpa81) (< win8) (< wpa81)) (&& (< net20) (>= netstandard1.5) (< netstandard1.6) (>= portable-net45+win8+wp8+wp81+wpa81) (< win8) (< wpa81)) (&& (< net20) (>= netstandard1.6) (< netstandard2.0) (>= portable-net45+win8+wp8+wp81+wpa81) (< win8) (< wpa81)) (&& (< netstandard1.3) (>= uap10.0)) (&& (< netstandard2.0) (>= uap10.0) (< uap10.1))
      Microsoft.NETCore.Platforms (>= 1.1) - restriction: && (< monoandroid) (< monotouch) (< net46) (>= netstandard1.3) (< xamarinios) (< xamarinmac) (< xamarintvos) (< xamarinwatchos)
      Microsoft.NETCore.Targets (>= 1.1) - restriction: && (< monoandroid) (< monotouch) (< net46) (>= netstandard1.3) (< xamarinios) (< xamarinmac) (< xamarintvos) (< xamarinwatchos)
      System.IO (>= 4.3) - restriction: && (< monoandroid) (< monotouch) (< net46) (>= netstandard1.3) (< xamarinios) (< xamarinmac) (< xamarintvos) (< xamarinwatchos)
      System.Net.Primitives (>= 4.3) - restriction: && (< monoandroid) (< monotouch) (< net46) (>= netstandard1.3) (< xamarinios) (< xamarinmac) (< xamarintvos) (< xamarinwatchos)
      System.Runtime (>= 4.3) - restriction: && (< monoandroid) (< monotouch) (< net46) (>= netstandard1.3) (< xamarinios) (< xamarinmac) (< xamarintvos) (< xamarinwatchos)
      System.Threading.Tasks (>= 4.3) - restriction: && (< monoandroid) (< monotouch) (< net46) (>= netstandard1.3) (< xamarinios) (< xamarinmac) (< xamarintvos) (< xamarinwatchos)
    System.ObjectModel (4.3) - restriction: || (&& (< net20) (>= netstandard1.0) (>= portable-net45+win8+wp8+wp81+wpa81) (< portable-net45+win8+wpa81) (< wp8)) (&& (< net20) (>= netstandard1.1) (< netstandard1.2) (>= portable-net45+win8+wp8+wp81+wpa81) (< win8)) (&& (< net20) (>= netstandard1.2) (< netstandard1.3) (>= portable-net45+win8+wp8+wp81+wpa81) (< win8) (< wpa81)) (&& (< net20) (< netstandard1.2) (>= netstandard1.3) (>= portable-net45+win8+wp8+wp81+wpa81) (< win8)) (&& (< net20) (< netstandard1.2) (>= netstandard2.0) (< win8)) (&& (< net20) (>= netstandard1.3) (< netstandard1.4) (>= portable-net45+win8+wp8+wp81+wpa81) (< win8) (< wpa81)) (&& (< net20) (>= netstandard1.3) (>= portable-net45+win8+wp8+wp81+wpa81) (< portable-net45+win8+wpa81)) (&& (< net20) (< netstandard1.3) (>= netstandard1.4) (>= portable-net45+win8+wp8+wp81+wpa81) (< win8) (< wpa81)) (&& (< net20) (< netstandard1.3) (>= netstandard1.5) (>= portable-net45+win8+wp8+wp81+wpa81) (< win8) (< wpa81)) (&& (< net20) (< netstandard1.3) (>= netstandard1.6) (>= portable-net45+win8+wp8+wp81+wpa81) (< win8) (< wpa81)) (&& (< net20) (< netstandard1.3) (>= netstandard2.0) (< win8) (< wpa81)) (&& (< net20) (>= netstandard1.4) (< netstandard1.5) (>= portable-net45+win8+wp8+wp81+wpa81) (< win8) (< wpa81)) (&& (< net20) (>= netstandard1.5) (< netstandard1.6) (>= portable-net45+win8+wp8+wp81+wpa81) (< win8) (< wpa81)) (&& (< net20) (>= netstandard1.6) (< netstandard2.0) (>= portable-net45+win8+wp8+wp81+wpa81) (< win8) (< wpa81)) (&& (< net20) (>= netstandard2.0) (< portable-net45+win8+wpa81)) (&& (< netstandard1.3) (>= uap10.0)) (&& (< netstandard2.0) (>= uap10.0) (< uap10.1))
    System.Reflection (4.3) - restriction: || (&& (< net20) (>= netstandard1.0) (>= portable-net45+win8+wp8+wp81+wpa81) (< portable-net45+win8+wpa81) (< wp8)) (&& (< net20) (>= netstandard1.1) (< netstandard1.2) (>= portable-net45+win8+wp8+wp81+wpa81) (< win8)) (&& (< net20) (>= netstandard1.2) (< netstandard1.3) (>= portable-net45+win8+wp8+wp81+wpa81) (< win8) (< wpa81)) (&& (< net20) (< netstandard1.2) (>= netstandard1.3) (>= portable-net45+win8+wp8+wp81+wpa81) (< win8)) (&& (< net20) (< netstandard1.2) (>= netstandard2.0) (< win8)) (&& (< net20) (>= netstandard1.3) (< netstandard1.4) (>= portable-net45+win8+wp8+wp81+wpa81) (< win8) (< wpa81)) (&& (< net20) (>= netstandard1.3) (>= portable-net45+win8+wp8+wp81+wpa81) (< portable-net45+win8+wpa81)) (&& (< net20) (< netstandard1.3) (>= netstandard1.4) (>= portable-net45+win8+wp8+wp81+wpa81) (< win8) (< wpa81)) (&& (< net20) (< netstandard1.3) (>= netstandard1.5) (>= portable-net45+win8+wp8+wp81+wpa81) (< win8) (< wpa81)) (&& (< net20) (< netstandard1.3) (>= netstandard1.6) (>= portable-net45+win8+wp8+wp81+wpa81) (< win8) (< wpa81)) (&& (< net20) (< netstandard1.3) (>= netstandard2.0) (< win8) (< wpa81)) (&& (< net20) (>= netstandard1.4) (< netstandard1.5) (>= portable-net45+win8+wp8+wp81+wpa81) (< win8) (< wpa81)) (&& (< net20) (>= netstandard1.4) (< netstandard2.0) (>= portable-net45+win8+wp8+wp81+wpa81)) (&& (< net20) (>= netstandard1.5) (< netstandard1.6) (>= portable-net45+win8+wp8+wp81+wpa81) (< win8) (< wpa81)) (&& (< net20) (>= netstandard1.6) (< netstandard2.0) (>= portable-net45+win8+wp8+wp81+wpa81) (< win8) (< wpa81)) (&& (< net20) (>= netstandard2.0) (< portable-net45+win8+wpa81)) (&& (< netstandard1.3) (>= uap10.0)) (&& (< netstandard2.0) (>= uap10.0) (< uap10.1))
    System.Reflection.Extensions (4.3) - restriction: || (&& (< net20) (>= netstandard1.0) (>= portable-net45+win8+wp8+wp81+wpa81) (< portable-net45+win8+wpa81) (< wp8)) (&& (< net20) (>= netstandard1.1) (< netstandard1.2) (>= portable-net45+win8+wp8+wp81+wpa81) (< win8)) (&& (< net20) (>= netstandard1.2) (< netstandard1.3) (>= portable-net45+win8+wp8+wp81+wpa81) (< win8) (< wpa81)) (&& (< net20) (< netstandard1.2) (>= netstandard1.3) (>= portable-net45+win8+wp8+wp81+wpa81) (< win8)) (&& (< net20) (< netstandard1.2) (>= netstandard2.0) (< win8)) (&& (< net20) (>= netstandard1.3) (< netstandard1.4) (>= portable-net45+win8+wp8+wp81+wpa81) (< win8) (< wpa81)) (&& (< net20) (>= netstandard1.3) (>= portable-net45+win8+wp8+wp81+wpa81) (< portable-net45+win8+wpa81)) (&& (< net20) (< netstandard1.3) (>= netstandard1.4) (>= portable-net45+win8+wp8+wp81+wpa81) (< win8) (< wpa81)) (&& (< net20) (< netstandard1.3) (>= netstandard1.5) (>= portable-net45+win8+wp8+wp81+wpa81) (< win8) (< wpa81)) (&& (< net20) (< netstandard1.3) (>= netstandard1.6) (>= portable-net45+win8+wp8+wp81+wpa81) (< win8) (< wpa81)) (&& (< net20) (< netstandard1.3) (>= netstandard2.0) (< win8) (< wpa81)) (&& (< net20) (>= netstandard1.4) (< netstandard1.5) (>= portable-net45+win8+wp8+wp81+wpa81) (< win8) (< wpa81)) (&& (< net20) (>= netstandard1.5) (< netstandard1.6) (>= portable-net45+win8+wp8+wp81+wpa81) (< win8) (< wpa81)) (&& (< net20) (>= netstandard1.6) (< netstandard2.0) (>= portable-net45+win8+wp8+wp81+wpa81) (< win8) (< wpa81)) (&& (< net20) (>= netstandard2.0) (< portable-net45+win8+wpa81)) (&& (< netstandard1.3) (>= uap10.0)) (&& (< netstandard2.0) (>= uap10.0) (< uap10.1))
    System.Reflection.Primitives (4.3) - restriction: || (&& (< net20) (>= netstandard1.0) (>= portable-net45+win8+wp8+wp81+wpa81) (< portable-net45+win8+wpa81) (< wp8)) (&& (< net20) (>= netstandard1.1) (< netstandard1.2) (>= portable-net45+win8+wp8+wp81+wpa81) (< win8)) (&& (< net20) (>= netstandard1.2) (< netstandard1.3) (>= portable-net45+win8+wp8+wp81+wpa81) (< win8) (< wpa81)) (&& (< net20) (< netstandard1.2) (>= netstandard1.3) (>= portable-net45+win8+wp8+wp81+wpa81) (< win8)) (&& (< net20) (< netstandard1.2) (>= netstandard2.0) (< win8)) (&& (< net20) (>= netstandard1.3) (< netstandard1.4) (>= portable-net45+win8+wp8+wp81+wpa81) (< win8) (< wpa81)) (&& (< net20) (>= netstandard1.3) (>= portable-net45+win8+wp8+wp81+wpa81) (< portable-net45+win8+wpa81)) (&& (< net20) (< netstandard1.3) (>= netstandard1.4) (>= portable-net45+win8+wp8+wp81+wpa81) (< win8) (< wpa81)) (&& (< net20) (< netstandard1.3) (>= netstandard1.5) (>= portable-net45+win8+wp8+wp81+wpa81) (< win8) (< wpa81)) (&& (< net20) (< netstandard1.3) (>= netstandard1.6) (>= portable-net45+win8+wp8+wp81+wpa81) (< win8) (< wpa81)) (&& (< net20) (< netstandard1.3) (>= netstandard2.0) (< win8) (< wpa81)) (&& (< net20) (>= netstandard1.4) (< netstandard1.5) (>= portable-net45+win8+wp8+wp81+wpa81) (< win8) (< wpa81)) (&& (< net20) (>= netstandard1.5) (< netstandard1.6) (>= portable-net45+win8+wp8+wp81+wpa81) (< win8) (< wpa81)) (&& (< net20) (>= netstandard1.6) (< netstandard2.0) (>= portable-net45+win8+wp8+wp81+wpa81) (< win8) (< wpa81)) (&& (< net20) (>= netstandard2.0) (< portable-net45+win8+wpa81)) (&& (< netstandard1.3) (>= uap10.0)) (&& (< netstandard2.0) (>= uap10.0) (< uap10.1))
    System.Resources.ResourceManager (4.3) - restriction: || (&& (< net20) (>= netstandard1.0) (>= portable-net45+win8+wp8+wp81+wpa81) (< portable-net45+win8+wpa81) (< wp8)) (&& (< net20) (>= netstandard1.1) (< netstandard1.2) (>= portable-net45+win8+wp8+wp81+wpa81) (< win8)) (&& (< net20) (>= netstandard1.2) (< netstandard1.3) (>= portable-net45+win8+wp8+wp81+wpa81) (< win8) (< wpa81)) (&& (< net20) (< netstandard1.2) (>= netstandard1.3) (>= portable-net45+win8+wp8+wp81+wpa81) (< win8)) (&& (< net20) (< netstandard1.2) (>= netstandard2.0) (< win8)) (&& (< net20) (>= netstandard1.3) (< netstandard1.4) (>= portable-net45+win8+wp8+wp81+wpa81) (< win8) (< wpa81)) (&& (< net20) (>= netstandard1.3) (>= portable-net45+win8+wp8+wp81+wpa81) (< portable-net45+win8+wpa81)) (&& (< net20) (< netstandard1.3) (>= netstandard1.4) (>= portable-net45+win8+wp8+wp81+wpa81) (< win8) (< wpa81)) (&& (< net20) (< netstandard1.3) (>= netstandard1.5) (>= portable-net45+win8+wp8+wp81+wpa81) (< win8) (< wpa81)) (&& (< net20) (< netstandard1.3) (>= netstandard1.6) (>= portable-net45+win8+wp8+wp81+wpa81) (< win8) (< wpa81)) (&& (< net20) (< netstandard1.3) (>= netstandard2.0) (< win8) (< wpa81)) (&& (< net20) (>= netstandard1.4) (< netstandard1.5) (>= portable-net45+win8+wp8+wp81+wpa81) (< win8) (< wpa81)) (&& (< net20) (>= netstandard1.4) (< netstandard2.0) (>= portable-net45+win8+wp8+wp81+wpa81)) (&& (< net20) (>= netstandard1.5) (< netstandard1.6) (>= portable-net45+win8+wp8+wp81+wpa81) (< win8) (< wpa81)) (&& (< net20) (>= netstandard1.6) (< netstandard2.0) (>= portable-net45+win8+wp8+wp81+wpa81) (< win8) (< wpa81)) (&& (< net20) (>= netstandard2.0) (< portable-net45+win8+wpa81)) (&& (< netstandard1.3) (>= uap10.0)) (&& (< netstandard2.0) (>= uap10.0) (< uap10.1))
    System.Runtime (4.3) - restriction: || (&& (< net20) (>= netstandard1.0) (>= portable-net45+win8+wp8+wp81+wpa81) (< portable-net45+win8+wpa81) (< wp8)) (&& (< net20) (>= netstandard1.1) (< netstandard1.2) (>= portable-net45+win8+wp8+wp81+wpa81) (< win8)) (&& (< net20) (>= netstandard1.2) (< netstandard1.3) (>= portable-net45+win8+wp8+wp81+wpa81) (< win8) (< wpa81)) (&& (< net20) (< netstandard1.2) (>= netstandard1.3) (>= portable-net45+win8+wp8+wp81+wpa81) (< win8)) (&& (< net20) (< netstandard1.2) (>= netstandard2.0) (< win8)) (&& (< net20) (>= netstandard1.3) (< netstandard1.4) (>= portable-net45+win8+wp8+wp81+wpa81)) (&& (< net20) (>= netstandard1.3) (>= portable-net45+win8+wp8+wp81+wpa81) (< portable-net45+win8+wpa81)) (&& (< net20) (< netstandard1.3) (>= netstandard1.4) (>= portable-net45+win8+wp8+wp81+wpa81) (< win8) (< wpa81)) (&& (< net20) (< netstandard1.3) (>= netstandard1.5) (>= portable-net45+win8+wp8+wp81+wpa81) (< win8) (< wpa81)) (&& (< net20) (< netstandard1.3) (>= netstandard1.6) (>= portable-net45+win8+wp8+wp81+wpa81) (< win8) (< wpa81)) (&& (< net20) (< netstandard1.3) (>= netstandard2.0) (< win8) (< wpa81)) (&& (< net20) (>= netstandard1.4) (< netstandard1.5) (>= portable-net45+win8+wp8+wp81+wpa81) (< win8) (< wpa81)) (&& (< net20) (>= netstandard1.4) (< netstandard2.0) (>= portable-net45+win8+wp8+wp81+wpa81)) (&& (< net20) (>= netstandard1.5) (< netstandard1.6) (>= portable-net45+win8+wp8+wp81+wpa81) (< win8) (< wpa81)) (&& (< net20) (>= netstandard1.6) (< netstandard2.0) (>= portable-net45+win8+wp8+wp81+wpa81) (< win8) (< wpa81)) (&& (< net20) (>= netstandard2.0) (< portable-net45+win8+wpa81)) (&& (< netstandard1.3) (>= uap10.0)) (&& (< netstandard2.0) (>= uap10.0) (< uap10.1))
    System.Runtime.Extensions (4.3) - restriction: || (&& (< net20) (>= netstandard1.0) (>= portable-net45+win8+wp8+wp81+wpa81) (< portable-net45+win8+wpa81) (< wp8)) (&& (< net20) (>= netstandard1.1) (< netstandard1.2) (>= portable-net45+win8+wp8+wp81+wpa81) (< win8)) (&& (< net20) (>= netstandard1.2) (< netstandard1.3) (>= portable-net45+win8+wp8+wp81+wpa81) (< win8) (< wpa81)) (&& (< net20) (< netstandard1.2) (>= netstandard1.3) (>= portable-net45+win8+wp8+wp81+wpa81) (< win8)) (&& (< net20) (< netstandard1.2) (>= netstandard2.0) (< win8)) (&& (< net20) (>= netstandard1.3) (< netstandard1.4) (>= portable-net45+win8+wp8+wp81+wpa81) (< win8) (< wpa81)) (&& (< net20) (>= netstandard1.3) (< netstandard2.0) (>= portable-net45+win8+wp8+wp81+wpa81)) (&& (< net20) (>= netstandard1.3) (>= portable-net45+win8+wp8+wp81+wpa81) (< portable-net45+win8+wpa81)) (&& (< net20) (< netstandard1.3) (>= netstandard1.4) (>= portable-net45+win8+wp8+wp81+wpa81) (< win8) (< wpa81)) (&& (< net20) (< netstandard1.3) (>= netstandard1.5) (>= portable-net45+win8+wp8+wp81+wpa81) (< win8) (< wpa81)) (&& (< net20) (< netstandard1.3) (>= netstandard1.6) (>= portable-net45+win8+wp8+wp81+wpa81) (< win8) (< wpa81)) (&& (< net20) (< netstandard1.3) (>= netstandard2.0) (< win8) (< wpa81)) (&& (< net20) (>= netstandard1.4) (< netstandard1.5) (>= portable-net45+win8+wp8+wp81+wpa81) (< win8) (< wpa81)) (&& (< net20) (>= netstandard1.5) (< netstandard1.6) (>= portable-net45+win8+wp8+wp81+wpa81) (< win8) (< wpa81)) (&& (< net20) (>= netstandard1.6) (< netstandard2.0) (>= portable-net45+win8+wp8+wp81+wpa81) (< win8) (< wpa81)) (&& (< net20) (>= netstandard2.0) (< portable-net45+win8+wpa81)) (&& (< netstandard1.3) (>= uap10.0)) (&& (< netstandard2.0) (>= uap10.0) (< uap10.1))
    System.Runtime.Handles (4.3) - restriction: || (&& (< net20) (>= netstandard1.3) (< netstandard1.4) (>= portable-net45+win8+wp8+wp81+wpa81) (< win8) (< wpa81)) (&& (< net20) (< netstandard1.3) (>= netstandard1.4) (>= portable-net45+win8+wp8+wp81+wpa81) (< win8) (< wpa81)) (&& (< net20) (< netstandard1.3) (>= netstandard1.5) (>= portable-net45+win8+wp8+wp81+wpa81) (< win8) (< wpa81)) (&& (< net20) (< netstandard1.3) (>= netstandard1.6) (>= portable-net45+win8+wp8+wp81+wpa81) (< win8) (< wpa81)) (&& (< net20) (< netstandard1.3) (>= netstandard2.0) (< win8) (< wpa81)) (&& (< net20) (>= netstandard1.4) (< netstandard1.5) (>= portable-net45+win8+wp8+wp81+wpa81) (< win8) (< wpa81)) (&& (< net20) (>= netstandard1.5) (< netstandard1.6) (>= portable-net45+win8+wp8+wp81+wpa81) (< win8) (< wpa81)) (&& (< net20) (>= netstandard1.6) (< netstandard2.0) (>= portable-net45+win8+wp8+wp81+wpa81) (< win8) (< wpa81)) (&& (< netstandard1.3) (>= uap10.0)) (&& (< netstandard2.0) (>= uap10.0) (< uap10.1))
      Microsoft.NETCore.Platforms (>= 1.1) - restriction: && (< monoandroid) (< monotouch) (< net46) (>= netstandard1.3) (< xamarinios) (< xamarinmac) (< xamarintvos) (< xamarinwatchos)
      Microsoft.NETCore.Targets (>= 1.1) - restriction: && (< monoandroid) (< monotouch) (< net46) (>= netstandard1.3) (< xamarinios) (< xamarinmac) (< xamarintvos) (< xamarinwatchos)
      System.Runtime (>= 4.3) - restriction: && (< monoandroid) (< monotouch) (< net46) (>= netstandard1.3) (< xamarinios) (< xamarinmac) (< xamarintvos) (< xamarinwatchos)
    System.Runtime.InteropServices (4.3) - restriction: || (&& (< net20) (>= netstandard1.1) (< netstandard1.2) (>= portable-net45+win8+wp8+wp81+wpa81) (< win8)) (&& (< net20) (>= netstandard1.2) (< netstandard1.3) (>= portable-net45+win8+wp8+wp81+wpa81) (< win8) (< wpa81)) (&& (< net20) (< netstandard1.2) (>= netstandard1.3) (>= portable-net45+win8+wp8+wp81+wpa81) (< win8)) (&& (< net20) (< netstandard1.2) (>= netstandard2.0) (< win8)) (&& (< net20) (>= netstandard1.3) (< netstandard1.4) (>= portable-net45+win8+wp8+wp81+wpa81) (< win8) (< wpa81)) (&& (< net20) (< netstandard1.3) (>= netstandard1.4) (>= portable-net45+win8+wp8+wp81+wpa81) (< win8) (< wpa81)) (&& (< net20) (< netstandard1.3) (>= netstandard1.5) (>= portable-net45+win8+wp8+wp81+wpa81) (< win8) (< wpa81)) (&& (< net20) (< netstandard1.3) (>= netstandard1.6) (>= portable-net45+win8+wp8+wp81+wpa81) (< win8) (< wpa81)) (&& (< net20) (< netstandard1.3) (>= netstandard2.0) (< win8) (< wpa81)) (&& (< net20) (>= netstandard1.4) (< netstandard1.5) (>= portable-net45+win8+wp8+wp81+wpa81) (< win8) (< wpa81)) (&& (< net20) (>= netstandard1.5) (< netstandard1.6) (>= portable-net45+win8+wp8+wp81+wpa81) (< win8) (< wpa81)) (&& (< net20) (>= netstandard1.6) (< netstandard2.0) (>= portable-net45+win8+wp8+wp81+wpa81) (< win8) (< wpa81)) (&& (< netstandard1.3) (>= uap10.0)) (&& (< netstandard2.0) (>= uap10.0) (< uap10.1))
    System.Runtime.InteropServices.RuntimeInformation (4.3) - restriction: || (&& (< net20) (>= net45) (< netstandard1.3)) (&& (< net20) (>= net46) (< netstandard1.3)) (&& (< net20) (>= net46) (< netstandard1.4)) (&& (< net20) (< netstandard1.0) (>= netstandard1.3) (< portable-net45+win8)) (&& (< net20) (< netstandard1.0) (>= netstandard1.3) (< win8)) (&& (< net20) (< netstandard1.0) (>= netstandard2.0) (< portable-net45+win8)) (&& (< net20) (< netstandard1.0) (>= netstandard2.0) (< win8)) (&& (< net20) (>= netstandard1.1) (< netstandard1.2) (>= portable-net45+win8+wp8+wp81+wpa81) (< win8)) (&& (< net20) (>= netstandard1.2) (< netstandard1.3) (>= portable-net45+win8+wp8+wp81+wpa81) (< win8) (< wpa81)) (&& (< net20) (< netstandard1.2) (>= netstandard1.3) (>= portable-net45+win8+wp8+wp81+wpa81) (< win8)) (&& (< net20) (< netstandard1.2) (>= netstandard2.0) (< win8)) (&& (< net20) (>= netstandard1.3) (< netstandard1.4) (>= portable-net45+win8+wp8+wp81+wpa81) (< win8) (< wpa81)) (&& (< net20) (< netstandard1.3) (>= netstandard1.4) (>= portable-net45+win8+wp8+wp81+wpa81) (< win8) (< wpa81)) (&& (< net20) (< netstandard1.3) (>= netstandard1.5) (>= portable-net45+win8+wp8+wp81+wpa81) (< win8) (< wpa81)) (&& (< net20) (< netstandard1.3) (>= netstandard1.6) (>= portable-net45+win8+wp8+wp81+wpa81) (< win8) (< wpa81)) (&& (< net20) (< netstandard1.3) (>= netstandard2.0) (< win8) (< wpa81)) (&& (< net20) (>= netstandard1.4) (< netstandard1.5) (>= portable-net45+win8+wp8+wp81+wpa81) (< win8) (< wpa81)) (&& (< net20) (>= netstandard1.5) (< netstandard1.6) (>= portable-net45+win8+wp8+wp81+wpa81) (< win8) (< wpa81)) (&& (< net20) (>= netstandard1.6) (< netstandard2.0) (>= portable-net45+win8+wp8+wp81+wpa81) (< win8) (< wpa81)) (&& (< netstandard1.0) (>= netstandard1.3) (>= win8)) (&& (< netstandard1.0) (>= netstandard2.0) (>= win8)) (&& (< netstandard1.3) (>= uap10.0)) (&& (< netstandard1.3) (< win8) (>= wpa81)) (&& (< netstandard2.0) (>= uap10.0) (< uap10.1))
    System.Runtime.Numerics (4.3) - restriction: || (&& (< net20) (>= netstandard1.1) (< netstandard1.2) (>= portable-net45+win8+wp8+wp81+wpa81) (< win8)) (&& (< net20) (>= netstandard1.2) (< netstandard1.3) (>= portable-net45+win8+wp8+wp81+wpa81) (< win8) (< wpa81)) (&& (< net20) (< netstandard1.2) (>= netstandard1.3) (>= portable-net45+win8+wp8+wp81+wpa81) (< win8)) (&& (< net20) (< netstandard1.2) (>= netstandard2.0) (< win8)) (&& (< net20) (>= netstandard1.3) (< netstandard1.4) (>= portable-net45+win8+wp8+wp81+wpa81) (< win8) (< wpa81)) (&& (< net20) (< netstandard1.3) (>= netstandard1.4) (>= portable-net45+win8+wp8+wp81+wpa81) (< win8) (< wpa81)) (&& (< net20) (< netstandard1.3) (>= netstandard1.5) (>= portable-net45+win8+wp8+wp81+wpa81) (< win8) (< wpa81)) (&& (< net20) (< netstandard1.3) (>= netstandard1.6) (>= portable-net45+win8+wp8+wp81+wpa81) (< win8) (< wpa81)) (&& (< net20) (< netstandard1.3) (>= netstandard2.0) (< win8) (< wpa81)) (&& (< net20) (>= netstandard1.4) (< netstandard1.5) (>= portable-net45+win8+wp8+wp81+wpa81) (< win8) (< wpa81)) (&& (< net20) (>= netstandard1.5) (< netstandard1.6) (>= portable-net45+win8+wp8+wp81+wpa81) (< win8) (< wpa81)) (&& (< net20) (>= netstandard1.6) (< netstandard2.0) (>= portable-net45+win8+wp8+wp81+wpa81) (< win8) (< wpa81)) (&& (< netstandard1.3) (>= uap10.0)) (&& (< netstandard2.0) (>= uap10.0) (< uap10.1))
    System.Runtime.Serialization.Formatters (4.3) - restriction: && (< net20) (>= netstandard1.3) (< netstandard2.0) (>= portable-net45+win8+wp8+wp81+wpa81)
      System.Collections (>= 4.3) - restriction: && (< monoandroid) (< monotouch) (< net46) (>= netstandard1.4) (< xamarinios) (< xamarinmac) (< xamarintvos) (< xamarinwatchos)
      System.Reflection (>= 4.3) - restriction: && (< monoandroid) (< monotouch) (< net46) (>= netstandard1.4) (< xamarinios) (< xamarinmac) (< xamarintvos) (< xamarinwatchos)
      System.Resources.ResourceManager (>= 4.3) - restriction: && (< monoandroid) (< monotouch) (< net46) (>= netstandard1.4) (< xamarinios) (< xamarinmac) (< xamarintvos) (< xamarinwatchos)
      System.Runtime (>= 4.3) - restriction: || (&& (< monoandroid) (< monotouch) (< net46) (>= netstandard1.4) (< xamarinios) (< xamarinmac) (< xamarintvos) (< xamarinwatchos)) (&& (< monoandroid) (< net46) (>= netstandard1.3) (< netstandard1.4))
      System.Runtime.Serialization.Primitives (>= 4.3) - restriction: || (&& (< monoandroid) (< monotouch) (>= netstandard1.4) (< xamarinios) (< xamarinmac) (< xamarintvos) (< xamarinwatchos)) (&& (< monoandroid) (>= netstandard1.3) (< netstandard1.4)) (>= net46)
    System.Runtime.Serialization.Primitives (4.3) - restriction: || (&& (< net20) (>= net46) (< netstandard2.0)) (&& (< net20) (>= netstandard1.0) (< netstandard1.3) (>= portable-net45+win8+wp8+wp81+wpa81)) (&& (< net20) (>= netstandard1.3) (< netstandard1.4) (>= portable-net45+win8+wp8+wp81+wpa81)) (&& (< net20) (>= netstandard1.3) (< netstandard2.0) (>= portable-net45+win8+wp8+wp81+wpa81)) (&& (< net20) (< netstandard1.3) (>= netstandard2.0)) (&& (< net20) (>= netstandard1.4) (< netstandard2.0) (>= portable-net45+win8+wp8+wp81+wpa81))
    System.Security.Cryptography.Algorithms (4.3.1) - restriction: || (&& (< net20) (>= net46) (< netstandard1.3)) (&& (< net20) (>= net46) (< netstandard1.4)) (&& (< net20) (>= netstandard1.3) (< netstandard1.4) (>= portable-net45+win8+wp8+wp81+wpa81) (< win8) (< wpa81)) (&& (< net20) (< netstandard1.3) (>= netstandard1.4) (>= portable-net45+win8+wp8+wp81+wpa81) (< win8) (< wpa81)) (&& (< net20) (< netstandard1.3) (>= netstandard1.5) (>= portable-net45+win8+wp8+wp81+wpa81) (< win8) (< wpa81)) (&& (< net20) (< netstandard1.3) (>= netstandard1.6) (>= portable-net45+win8+wp8+wp81+wpa81) (< win8) (< wpa81)) (&& (< net20) (< netstandard1.3) (>= netstandard2.0) (< win8) (< wpa81)) (&& (< net20) (>= netstandard1.4) (< netstandard1.5) (>= portable-net45+win8+wp8+wp81+wpa81) (< win8) (< wpa81)) (&& (< net20) (>= netstandard1.5) (< netstandard1.6) (>= portable-net45+win8+wp8+wp81+wpa81) (< win8) (< wpa81)) (&& (< net20) (>= netstandard1.6) (< netstandard2.0) (>= portable-net45+win8+wp8+wp81+wpa81) (< win8) (< wpa81)) (&& (< netstandard1.3) (>= uap10.0)) (&& (< netstandard2.0) (>= uap10.0) (< uap10.1))
      System.IO (>= 4.3) - restriction: || (>= dnxcore50) (&& (< monoandroid) (< monotouch) (< net46) (>= netstandard1.6) (< xamarinios) (< xamarinmac) (< xamarintvos) (< xamarinwatchos)) (&& (< monoandroid) (< net46) (>= netstandard1.3) (< netstandard1.4)) (&& (< monoandroid) (< net46) (>= netstandard1.4) (< netstandard1.6)) (>= net463)
      System.Runtime (>= 4.3) - restriction: || (>= dnxcore50) (&& (< monoandroid) (< monotouch) (< net46) (>= netstandard1.6) (< xamarinios) (< xamarinmac) (< xamarintvos) (< xamarinwatchos)) (&& (< monoandroid) (< net46) (>= netstandard1.3) (< netstandard1.4)) (&& (< monoandroid) (< net46) (>= netstandard1.4) (< netstandard1.6)) (>= net463)
      System.Security.Cryptography.Primitives (>= 4.3) - restriction: || (>= dnxcore50) (&& (< monoandroid) (< monotouch) (< net46) (>= netstandard1.6) (< xamarinios) (< xamarinmac) (< xamarintvos) (< xamarinwatchos)) (&& (< monoandroid) (< net46) (>= netstandard1.3) (< netstandard1.4)) (&& (< monoandroid) (< net46) (>= netstandard1.4) (< netstandard1.6)) (&& (>= net46) (< netstandard1.4)) (&& (>= net461) (< netstandard1.6)) (>= net463)
    System.Security.Cryptography.Encoding (4.3) - restriction: || (&& (< net20) (>= net46) (< netstandard1.3)) (&& (< net20) (>= net46) (< netstandard1.4)) (&& (< net20) (>= netstandard1.3) (< netstandard1.4) (>= portable-net45+win8+wp8+wp81+wpa81) (< win8) (< wpa81)) (&& (< net20) (< netstandard1.3) (>= netstandard1.4) (>= portable-net45+win8+wp8+wp81+wpa81) (< win8) (< wpa81)) (&& (< net20) (< netstandard1.3) (>= netstandard1.5) (>= portable-net45+win8+wp8+wp81+wpa81) (< win8) (< wpa81)) (&& (< net20) (< netstandard1.3) (>= netstandard1.6) (>= portable-net45+win8+wp8+wp81+wpa81) (< win8) (< wpa81)) (&& (< net20) (< netstandard1.3) (>= netstandard2.0) (< win8) (< wpa81)) (&& (< net20) (>= netstandard1.4) (< netstandard1.5) (>= portable-net45+win8+wp8+wp81+wpa81) (< win8) (< wpa81)) (&& (< net20) (>= netstandard1.5) (< netstandard1.6) (>= portable-net45+win8+wp8+wp81+wpa81) (< win8) (< wpa81)) (&& (< net20) (>= netstandard1.6) (< netstandard2.0) (>= portable-net45+win8+wp8+wp81+wpa81) (< win8) (< wpa81)) (&& (< netstandard1.3) (>= uap10.0)) (&& (< netstandard2.0) (>= uap10.0) (< uap10.1))
      Microsoft.NETCore.Platforms (>= 1.1) - restriction: && (< monoandroid) (< monotouch) (< net46) (>= netstandard1.3) (< xamarinios) (< xamarinmac) (< xamarintvos) (< xamarinwatchos)
      runtime.native.System.Security.Cryptography.OpenSsl (>= 4.3) - restriction: && (< monoandroid) (< monotouch) (< net46) (>= netstandard1.3) (< xamarinios) (< xamarinmac) (< xamarintvos) (< xamarinwatchos)
      System.Collections (>= 4.3) - restriction: && (< monoandroid) (< monotouch) (< net46) (>= netstandard1.3) (< xamarinios) (< xamarinmac) (< xamarintvos) (< xamarinwatchos)
      System.Collections.Concurrent (>= 4.3) - restriction: && (< monoandroid) (< monotouch) (< net46) (>= netstandard1.3) (< xamarinios) (< xamarinmac) (< xamarintvos) (< xamarinwatchos)
      System.Linq (>= 4.3) - restriction: && (< monoandroid) (< monotouch) (< net46) (>= netstandard1.3) (< xamarinios) (< xamarinmac) (< xamarintvos) (< xamarinwatchos)
      System.Resources.ResourceManager (>= 4.3) - restriction: && (< monoandroid) (< monotouch) (< net46) (>= netstandard1.3) (< xamarinios) (< xamarinmac) (< xamarintvos) (< xamarinwatchos)
      System.Runtime (>= 4.3) - restriction: && (< monoandroid) (< monotouch) (< net46) (>= netstandard1.3) (< xamarinios) (< xamarinmac) (< xamarintvos) (< xamarinwatchos)
      System.Runtime.Extensions (>= 4.3) - restriction: && (< monoandroid) (< monotouch) (< net46) (>= netstandard1.3) (< xamarinios) (< xamarinmac) (< xamarintvos) (< xamarinwatchos)
      System.Runtime.Handles (>= 4.3) - restriction: && (< monoandroid) (< monotouch) (< net46) (>= netstandard1.3) (< xamarinios) (< xamarinmac) (< xamarintvos) (< xamarinwatchos)
      System.Runtime.InteropServices (>= 4.3) - restriction: && (< monoandroid) (< monotouch) (< net46) (>= netstandard1.3) (< xamarinios) (< xamarinmac) (< xamarintvos) (< xamarinwatchos)
      System.Security.Cryptography.Primitives (>= 4.3) - restriction: && (< monoandroid) (< monotouch) (< net46) (>= netstandard1.3) (< xamarinios) (< xamarinmac) (< xamarintvos) (< xamarinwatchos)
      System.Text.Encoding (>= 4.3) - restriction: && (< monoandroid) (< monotouch) (< net46) (>= netstandard1.3) (< xamarinios) (< xamarinmac) (< xamarintvos) (< xamarinwatchos)
    System.Security.Cryptography.Primitives (4.3) - restriction: || (&& (< net20) (>= net46) (< netstandard1.3)) (&& (< net20) (>= net46) (< netstandard1.4)) (&& (< net20) (>= netstandard1.3) (< netstandard1.4) (>= portable-net45+win8+wp8+wp81+wpa81) (< win8) (< wpa81)) (&& (< net20) (< netstandard1.3) (>= netstandard1.4) (>= portable-net45+win8+wp8+wp81+wpa81) (< win8) (< wpa81)) (&& (< net20) (< netstandard1.3) (>= netstandard1.5) (>= portable-net45+win8+wp8+wp81+wpa81) (< win8) (< wpa81)) (&& (< net20) (< netstandard1.3) (>= netstandard1.6) (>= portable-net45+win8+wp8+wp81+wpa81) (< win8) (< wpa81)) (&& (< net20) (< netstandard1.3) (>= netstandard2.0) (< win8) (< wpa81)) (&& (< net20) (>= netstandard1.4) (< netstandard1.5) (>= portable-net45+win8+wp8+wp81+wpa81) (< win8) (< wpa81)) (&& (< net20) (>= netstandard1.5) (< netstandard1.6) (>= portable-net45+win8+wp8+wp81+wpa81) (< win8) (< wpa81)) (&& (< net20) (>= netstandard1.6) (< netstandard2.0) (>= portable-net45+win8+wp8+wp81+wpa81) (< win8) (< wpa81)) (&& (< netstandard1.3) (>= uap10.0)) (&& (< netstandard2.0) (>= uap10.0) (< uap10.1))
      System.Diagnostics.Debug (>= 4.3) - restriction: && (< monoandroid) (< monotouch) (< net46) (>= netstandard1.3) (< xamarinios) (< xamarinmac) (< xamarintvos) (< xamarinwatchos)
      System.Globalization (>= 4.3) - restriction: && (< monoandroid) (< monotouch) (< net46) (>= netstandard1.3) (< xamarinios) (< xamarinmac) (< xamarintvos) (< xamarinwatchos)
      System.IO (>= 4.3) - restriction: && (< monoandroid) (< monotouch) (< net46) (>= netstandard1.3) (< xamarinios) (< xamarinmac) (< xamarintvos) (< xamarinwatchos)
      System.Resources.ResourceManager (>= 4.3) - restriction: && (< monoandroid) (< monotouch) (< net46) (>= netstandard1.3) (< xamarinios) (< xamarinmac) (< xamarintvos) (< xamarinwatchos)
      System.Runtime (>= 4.3) - restriction: && (< monoandroid) (< monotouch) (< net46) (>= netstandard1.3) (< xamarinios) (< xamarinmac) (< xamarintvos) (< xamarinwatchos)
      System.Threading (>= 4.3) - restriction: && (< monoandroid) (< monotouch) (< net46) (>= netstandard1.3) (< xamarinios) (< xamarinmac) (< xamarintvos) (< xamarinwatchos)
      System.Threading.Tasks (>= 4.3) - restriction: && (< monoandroid) (< monotouch) (< net46) (>= netstandard1.3) (< xamarinios) (< xamarinmac) (< xamarintvos) (< xamarinwatchos)
    System.Security.Cryptography.X509Certificates (4.3.2) - restriction: || (&& (< net20) (>= net46) (< netstandard1.3)) (&& (< net20) (>= net46) (< netstandard1.4)) (&& (< net20) (>= netstandard1.3) (< netstandard1.4) (>= portable-net45+win8+wp8+wp81+wpa81) (< win8) (< wpa81)) (&& (< net20) (< netstandard1.3) (>= netstandard1.4) (>= portable-net45+win8+wp8+wp81+wpa81) (< win8) (< wpa81)) (&& (< net20) (< netstandard1.3) (>= netstandard1.5) (>= portable-net45+win8+wp8+wp81+wpa81) (< win8) (< wpa81)) (&& (< net20) (< netstandard1.3) (>= netstandard1.6) (>= portable-net45+win8+wp8+wp81+wpa81) (< win8) (< wpa81)) (&& (< net20) (< netstandard1.3) (>= netstandard2.0) (< win8) (< wpa81)) (&& (< net20) (>= netstandard1.4) (< netstandard1.5) (>= portable-net45+win8+wp8+wp81+wpa81) (< win8) (< wpa81)) (&& (< net20) (>= netstandard1.5) (< netstandard1.6) (>= portable-net45+win8+wp8+wp81+wpa81) (< win8) (< wpa81)) (&& (< net20) (>= netstandard1.6) (< netstandard2.0) (>= portable-net45+win8+wp8+wp81+wpa81) (< win8) (< wpa81)) (&& (< netstandard1.3) (>= uap10.0)) (&& (< netstandard2.0) (>= uap10.0) (< uap10.1))
      System.Runtime (>= 4.3) - restriction: || (>= dnxcore50) (&& (< monoandroid) (< monotouch) (< net46) (>= netstandard1.6) (< xamarinios) (< xamarinmac) (< xamarintvos) (< xamarinwatchos)) (&& (< monoandroid) (< net46) (>= netstandard1.3) (< netstandard1.4)) (&& (< monoandroid) (< net46) (>= netstandard1.4) (< netstandard1.6))
      System.Runtime.Handles (>= 4.3) - restriction: || (>= dnxcore50) (&& (< monoandroid) (< monotouch) (< net46) (>= netstandard1.6) (< xamarinios) (< xamarinmac) (< xamarintvos) (< xamarinwatchos)) (&& (< monoandroid) (< net46) (>= netstandard1.3) (< netstandard1.4)) (&& (< monoandroid) (< net46) (>= netstandard1.4) (< netstandard1.6))
      System.Security.Cryptography.Algorithms (>= 4.3) - restriction: || (>= dnxcore50) (&& (< monoandroid) (< monotouch) (< net46) (>= netstandard1.6) (< xamarinios) (< xamarinmac) (< xamarintvos) (< xamarinwatchos)) (&& (< monoandroid) (< net46) (>= netstandard1.3) (< netstandard1.4)) (&& (< monoandroid) (< net46) (>= netstandard1.4) (< netstandard1.6)) (&& (>= net46) (< netstandard1.4)) (>= net461)
      System.Security.Cryptography.Encoding (>= 4.3) - restriction: || (>= dnxcore50) (&& (< monoandroid) (< monotouch) (< net46) (>= netstandard1.6) (< xamarinios) (< xamarinmac) (< xamarintvos) (< xamarinwatchos)) (&& (< monoandroid) (< net46) (>= netstandard1.3) (< netstandard1.4)) (&& (< monoandroid) (< net46) (>= netstandard1.4) (< netstandard1.6)) (&& (>= net46) (< netstandard1.4)) (>= net461)
    System.Text.Encoding (4.3) - restriction: || (&& (< net20) (>= netstandard1.0) (>= portable-net45+win8+wp8+wp81+wpa81) (< portable-net45+win8+wpa81) (< wp8)) (&& (< net20) (>= netstandard1.1) (< netstandard1.2) (>= portable-net45+win8+wp8+wp81+wpa81) (< win8)) (&& (< net20) (>= netstandard1.2) (< netstandard1.3) (>= portable-net45+win8+wp8+wp81+wpa81) (< win8) (< wpa81)) (&& (< net20) (< netstandard1.2) (>= netstandard1.3) (>= portable-net45+win8+wp8+wp81+wpa81) (< win8)) (&& (< net20) (< netstandard1.2) (>= netstandard2.0) (< win8)) (&& (< net20) (>= netstandard1.3) (< netstandard1.4) (>= portable-net45+win8+wp8+wp81+wpa81) (< win8) (< wpa81)) (&& (< net20) (>= netstandard1.3) (< netstandard2.0) (>= portable-net45+win8+wp8+wp81+wpa81)) (&& (< net20) (>= netstandard1.3) (>= portable-net45+win8+wp8+wp81+wpa81) (< portable-net45+win8+wpa81)) (&& (< net20) (< netstandard1.3) (>= netstandard1.4) (>= portable-net45+win8+wp8+wp81+wpa81) (< win8) (< wpa81)) (&& (< net20) (< netstandard1.3) (>= netstandard1.5) (>= portable-net45+win8+wp8+wp81+wpa81) (< win8) (< wpa81)) (&& (< net20) (< netstandard1.3) (>= netstandard1.6) (>= portable-net45+win8+wp8+wp81+wpa81) (< win8) (< wpa81)) (&& (< net20) (< netstandard1.3) (>= netstandard2.0) (< win8) (< wpa81)) (&& (< net20) (>= netstandard1.4) (< netstandard1.5) (>= portable-net45+win8+wp8+wp81+wpa81) (< win8) (< wpa81)) (&& (< net20) (>= netstandard1.5) (< netstandard1.6) (>= portable-net45+win8+wp8+wp81+wpa81) (< win8) (< wpa81)) (&& (< net20) (>= netstandard1.6) (< netstandard2.0) (>= portable-net45+win8+wp8+wp81+wpa81) (< win8) (< wpa81)) (&& (< net20) (>= netstandard2.0) (< portable-net45+win8+wpa81)) (&& (< netstandard1.3) (>= uap10.0)) (&& (< netstandard2.0) (>= uap10.0) (< uap10.1))
    System.Text.Encoding.Extensions (4.3) - restriction: || (&& (< net20) (>= netstandard1.0) (>= portable-net45+win8+wp8+wp81+wpa81) (< portable-net45+win8+wpa81) (< wp8)) (&& (< net20) (>= netstandard1.1) (< netstandard1.2) (>= portable-net45+win8+wp8+wp81+wpa81) (< win8)) (&& (< net20) (>= netstandard1.2) (< netstandard1.3) (>= portable-net45+win8+wp8+wp81+wpa81) (< win8) (< wpa81)) (&& (< net20) (< netstandard1.2) (>= netstandard1.3) (>= portable-net45+win8+wp8+wp81+wpa81) (< win8)) (&& (< net20) (< netstandard1.2) (>= netstandard2.0) (< win8)) (&& (< net20) (>= netstandard1.3) (< netstandard1.4) (>= portable-net45+win8+wp8+wp81+wpa81) (< win8) (< wpa81)) (&& (< net20) (>= netstandard1.3) (>= portable-net45+win8+wp8+wp81+wpa81) (< portable-net45+win8+wpa81)) (&& (< net20) (< netstandard1.3) (>= netstandard1.4) (>= portable-net45+win8+wp8+wp81+wpa81) (< win8) (< wpa81)) (&& (< net20) (< netstandard1.3) (>= netstandard1.5) (>= portable-net45+win8+wp8+wp81+wpa81) (< win8) (< wpa81)) (&& (< net20) (< netstandard1.3) (>= netstandard1.6) (>= portable-net45+win8+wp8+wp81+wpa81) (< win8) (< wpa81)) (&& (< net20) (< netstandard1.3) (>= netstandard2.0) (< win8) (< wpa81)) (&& (< net20) (>= netstandard1.4) (< netstandard1.5) (>= portable-net45+win8+wp8+wp81+wpa81) (< win8) (< wpa81)) (&& (< net20) (>= netstandard1.5) (< netstandard1.6) (>= portable-net45+win8+wp8+wp81+wpa81) (< win8) (< wpa81)) (&& (< net20) (>= netstandard1.6) (< netstandard2.0) (>= portable-net45+win8+wp8+wp81+wpa81) (< win8) (< wpa81)) (&& (< net20) (>= netstandard2.0) (< portable-net45+win8+wpa81)) (&& (< netstandard1.3) (>= uap10.0)) (&& (< netstandard2.0) (>= uap10.0) (< uap10.1))
    System.Text.RegularExpressions (4.3) - restriction: || (&& (< net20) (>= netstandard1.0) (>= portable-net45+win8+wp8+wp81+wpa81) (< portable-net45+win8+wpa81) (< wp8)) (&& (< net20) (>= netstandard1.1) (< netstandard1.2) (>= portable-net45+win8+wp8+wp81+wpa81) (< win8)) (&& (< net20) (>= netstandard1.2) (< netstandard1.3) (>= portable-net45+win8+wp8+wp81+wpa81) (< win8) (< wpa81)) (&& (< net20) (< netstandard1.2) (>= netstandard1.3) (>= portable-net45+win8+wp8+wp81+wpa81) (< win8)) (&& (< net20) (< netstandard1.2) (>= netstandard2.0) (< win8)) (&& (< net20) (>= netstandard1.3) (< netstandard1.4) (>= portable-net45+win8+wp8+wp81+wpa81) (< win8) (< wpa81)) (&& (< net20) (>= netstandard1.3) (>= portable-net45+win8+wp8+wp81+wpa81) (< portable-net45+win8+wpa81)) (&& (< net20) (< netstandard1.3) (>= netstandard1.4) (>= portable-net45+win8+wp8+wp81+wpa81) (< win8) (< wpa81)) (&& (< net20) (< netstandard1.3) (>= netstandard1.5) (>= portable-net45+win8+wp8+wp81+wpa81) (< win8) (< wpa81)) (&& (< net20) (< netstandard1.3) (>= netstandard1.6) (>= portable-net45+win8+wp8+wp81+wpa81) (< win8) (< wpa81)) (&& (< net20) (< netstandard1.3) (>= netstandard2.0) (< win8) (< wpa81)) (&& (< net20) (>= netstandard1.4) (< netstandard1.5) (>= portable-net45+win8+wp8+wp81+wpa81) (< win8) (< wpa81)) (&& (< net20) (>= netstandard1.5) (< netstandard1.6) (>= portable-net45+win8+wp8+wp81+wpa81) (< win8) (< wpa81)) (&& (< net20) (>= netstandard1.6) (< netstandard2.0) (>= portable-net45+win8+wp8+wp81+wpa81) (< win8) (< wpa81)) (&& (< net20) (>= netstandard2.0) (< portable-net45+win8+wpa81)) (&& (< netstandard1.3) (>= uap10.0)) (&& (< netstandard2.0) (>= uap10.0) (< uap10.1))
    System.Threading (4.3) - restriction: || (&& (< net20) (>= netstandard1.0) (>= portable-net45+win8+wp8+wp81+wpa81) (< portable-net45+win8+wpa81) (< wp8)) (&& (< net20) (>= netstandard1.1) (< netstandard1.2) (>= portable-net45+win8+wp8+wp81+wpa81) (< win8)) (&& (< net20) (>= netstandard1.2) (< netstandard1.3) (>= portable-net45+win8+wp8+wp81+wpa81) (< win8) (< wpa81)) (&& (< net20) (< netstandard1.2) (>= netstandard1.3) (>= portable-net45+win8+wp8+wp81+wpa81) (< win8)) (&& (< net20) (< netstandard1.2) (>= netstandard2.0) (< win8)) (&& (< net20) (>= netstandard1.3) (< netstandard1.4) (>= portable-net45+win8+wp8+wp81+wpa81) (< win8) (< wpa81)) (&& (< net20) (>= netstandard1.3) (< netstandard2.0) (>= portable-net45+win8+wp8+wp81+wpa81)) (&& (< net20) (>= netstandard1.3) (>= portable-net45+win8+wp8+wp81+wpa81) (< portable-net45+win8+wpa81)) (&& (< net20) (< netstandard1.3) (>= netstandard1.4) (>= portable-net45+win8+wp8+wp81+wpa81) (< win8) (< wpa81)) (&& (< net20) (< netstandard1.3) (>= netstandard1.5) (>= portable-net45+win8+wp8+wp81+wpa81) (< win8) (< wpa81)) (&& (< net20) (< netstandard1.3) (>= netstandard1.6) (>= portable-net45+win8+wp8+wp81+wpa81) (< win8) (< wpa81)) (&& (< net20) (< netstandard1.3) (>= netstandard2.0) (< win8) (< wpa81)) (&& (< net20) (>= netstandard1.4) (< netstandard1.5) (>= portable-net45+win8+wp8+wp81+wpa81) (< win8) (< wpa81)) (&& (< net20) (>= netstandard1.5) (< netstandard1.6) (>= portable-net45+win8+wp8+wp81+wpa81) (< win8) (< wpa81)) (&& (< net20) (>= netstandard1.6) (< netstandard2.0) (>= portable-net45+win8+wp8+wp81+wpa81) (< win8) (< wpa81)) (&& (< net20) (>= netstandard2.0) (< portable-net45+win8+wpa81)) (&& (< netstandard1.3) (>= uap10.0)) (&& (< netstandard2.0) (>= uap10.0) (< uap10.1))
    System.Threading.Tasks (4.3) - restriction: || (&& (< net20) (>= netstandard1.0) (>= portable-net45+win8+wp8+wp81+wpa81) (< portable-net45+win8+wpa81) (< wp8)) (&& (< net20) (>= netstandard1.1) (< netstandard1.2) (>= portable-net45+win8+wp8+wp81+wpa81) (< win8)) (&& (< net20) (>= netstandard1.2) (< netstandard1.3) (>= portable-net45+win8+wp8+wp81+wpa81) (< win8) (< wpa81)) (&& (< net20) (< netstandard1.2) (>= netstandard1.3) (>= portable-net45+win8+wp8+wp81+wpa81) (< win8)) (&& (< net20) (< netstandard1.2) (>= netstandard2.0) (< win8)) (&& (< net20) (>= netstandard1.3) (< netstandard1.4) (>= portable-net45+win8+wp8+wp81+wpa81) (< win8) (< wpa81)) (&& (< net20) (>= netstandard1.3) (>= portable-net45+win8+wp8+wp81+wpa81) (< portable-net45+win8+wpa81)) (&& (< net20) (< netstandard1.3) (>= netstandard1.4) (>= portable-net45+win8+wp8+wp81+wpa81) (< win8) (< wpa81)) (&& (< net20) (< netstandard1.3) (>= netstandard1.5) (>= portable-net45+win8+wp8+wp81+wpa81) (< win8) (< wpa81)) (&& (< net20) (< netstandard1.3) (>= netstandard1.6) (>= portable-net45+win8+wp8+wp81+wpa81) (< win8) (< wpa81)) (&& (< net20) (< netstandard1.3) (>= netstandard2.0) (< win8) (< wpa81)) (&& (< net20) (>= netstandard1.4) (< netstandard1.5) (>= portable-net45+win8+wp8+wp81+wpa81) (< win8) (< wpa81)) (&& (< net20) (>= netstandard1.5) (< netstandard1.6) (>= portable-net45+win8+wp8+wp81+wpa81) (< win8) (< wpa81)) (&& (< net20) (>= netstandard1.6) (< netstandard2.0) (>= portable-net45+win8+wp8+wp81+wpa81) (< win8) (< wpa81)) (&& (< net20) (>= netstandard2.0) (< portable-net45+win8+wpa81)) (&& (< netstandard1.3) (>= uap10.0)) (&& (< netstandard2.0) (>= uap10.0) (< uap10.1))
    System.Threading.Timer (4.3) - restriction: || (&& (< net20) (>= netstandard1.2) (< netstandard1.3) (>= portable-net45+win8+wp8+wp81+wpa81) (< win8) (< wpa81)) (&& (< net20) (>= netstandard1.3) (< netstandard1.4) (>= portable-net45+win8+wp8+wp81+wpa81) (< win8) (< wpa81)) (&& (< net20) (< netstandard1.3) (>= netstandard1.4) (>= portable-net45+win8+wp8+wp81+wpa81) (< win8) (< wpa81)) (&& (< net20) (< netstandard1.3) (>= netstandard1.5) (>= portable-net45+win8+wp8+wp81+wpa81) (< win8) (< wpa81)) (&& (< net20) (< netstandard1.3) (>= netstandard1.6) (>= portable-net45+win8+wp8+wp81+wpa81) (< win8) (< wpa81)) (&& (< net20) (< netstandard1.3) (>= netstandard2.0) (< win8) (< wpa81)) (&& (< net20) (>= netstandard1.4) (< netstandard1.5) (>= portable-net45+win8+wp8+wp81+wpa81) (< win8) (< wpa81)) (&& (< net20) (>= netstandard1.5) (< netstandard1.6) (>= portable-net45+win8+wp8+wp81+wpa81) (< win8) (< wpa81)) (&& (< net20) (>= netstandard1.6) (< netstandard2.0) (>= portable-net45+win8+wp8+wp81+wpa81) (< win8) (< wpa81)) (&& (< netstandard1.3) (>= uap10.0)) (&& (< netstandard2.0) (>= uap10.0) (< uap10.1))
    System.Xml.ReaderWriter (4.3.1) - restriction: || (&& (< net20) (>= net46) (< netstandard1.3)) (&& (< net20) (>= net46) (< netstandard1.4)) (&& (< net20) (>= netstandard1.0) (>= portable-net45+win8+wp8+wp81+wpa81) (< portable-net45+win8+wpa81) (< wp8)) (&& (< net20) (>= netstandard1.1) (< netstandard1.2) (>= portable-net45+win8+wp8+wp81+wpa81) (< win8)) (&& (< net20) (>= netstandard1.2) (< netstandard1.3) (>= portable-net45+win8+wp8+wp81+wpa81) (< win8) (< wpa81)) (&& (< net20) (< netstandard1.2) (>= netstandard1.3) (>= portable-net45+win8+wp8+wp81+wpa81) (< win8)) (&& (< net20) (< netstandard1.2) (>= netstandard2.0) (< win8)) (&& (< net20) (>= netstandard1.3) (< netstandard1.4) (>= portable-net45+win8+wp8+wp81+wpa81) (< win8) (< wpa81)) (&& (< net20) (>= netstandard1.3) (< netstandard2.0) (>= portable-net45+win8+wp8+wp81+wpa81)) (&& (< net20) (>= netstandard1.3) (>= portable-net45+win8+wp8+wp81+wpa81) (< portable-net45+win8+wpa81)) (&& (< net20) (< netstandard1.3) (>= netstandard1.4) (>= portable-net45+win8+wp8+wp81+wpa81) (< win8) (< wpa81)) (&& (< net20) (< netstandard1.3) (>= netstandard1.5) (>= portable-net45+win8+wp8+wp81+wpa81) (< win8) (< wpa81)) (&& (< net20) (< netstandard1.3) (>= netstandard1.6) (>= portable-net45+win8+wp8+wp81+wpa81) (< win8) (< wpa81)) (&& (< net20) (< netstandard1.3) (>= netstandard2.0) (< win8) (< wpa81)) (&& (< net20) (>= netstandard1.4) (< netstandard1.5) (>= portable-net45+win8+wp8+wp81+wpa81) (< win8) (< wpa81)) (&& (< net20) (>= netstandard1.5) (< netstandard1.6) (>= portable-net45+win8+wp8+wp81+wpa81) (< win8) (< wpa81)) (&& (< net20) (>= netstandard1.6) (< netstandard2.0) (>= portable-net45+win8+wp8+wp81+wpa81) (< win8) (< wpa81)) (&& (< net20) (>= netstandard2.0) (< portable-net45+win8+wpa81)) (&& (< netstandard1.3) (>= uap10.0)) (&& (< netstandard2.0) (>= uap10.0) (< uap10.1))
    System.Xml.XDocument (4.3) - restriction: || (&& (< net20) (>= netstandard1.0) (>= portable-net45+win8+wp8+wp81+wpa81) (< portable-net45+win8+wpa81) (< wp8)) (&& (< net20) (>= netstandard1.1) (< netstandard1.2) (>= portable-net45+win8+wp8+wp81+wpa81) (< win8)) (&& (< net20) (>= netstandard1.2) (< netstandard1.3) (>= portable-net45+win8+wp8+wp81+wpa81) (< win8) (< wpa81)) (&& (< net20) (< netstandard1.2) (>= netstandard1.3) (>= portable-net45+win8+wp8+wp81+wpa81) (< win8)) (&& (< net20) (< netstandard1.2) (>= netstandard2.0) (< win8)) (&& (< net20) (>= netstandard1.3) (< netstandard1.4) (>= portable-net45+win8+wp8+wp81+wpa81) (< win8) (< wpa81)) (&& (< net20) (>= netstandard1.3) (>= portable-net45+win8+wp8+wp81+wpa81) (< portable-net45+win8+wpa81)) (&& (< net20) (< netstandard1.3) (>= netstandard1.4) (>= portable-net45+win8+wp8+wp81+wpa81) (< win8) (< wpa81)) (&& (< net20) (< netstandard1.3) (>= netstandard1.5) (>= portable-net45+win8+wp8+wp81+wpa81) (< win8) (< wpa81)) (&& (< net20) (< netstandard1.3) (>= netstandard1.6) (>= portable-net45+win8+wp8+wp81+wpa81) (< win8) (< wpa81)) (&& (< net20) (< netstandard1.3) (>= netstandard2.0) (< win8) (< wpa81)) (&& (< net20) (>= netstandard1.4) (< netstandard1.5) (>= portable-net45+win8+wp8+wp81+wpa81) (< win8) (< wpa81)) (&& (< net20) (>= netstandard1.5) (< netstandard1.6) (>= portable-net45+win8+wp8+wp81+wpa81) (< win8) (< wpa81)) (&& (< net20) (>= netstandard1.6) (< netstandard2.0) (>= portable-net45+win8+wp8+wp81+wpa81) (< win8) (< wpa81)) (&& (< net20) (>= netstandard2.0) (< portable-net45+win8+wpa81)) (&& (< netstandard1.3) (>= uap10.0)) (&& (< netstandard2.0) (>= uap10.0) (< uap10.1))
    System.Xml.XmlDocument (4.3) - restriction: && (< net20) (>= netstandard1.3) (< netstandard2.0) (>= portable-net45+win8+wp8+wp81+wpa81)
      System.Collections (>= 4.3) - restriction: && (< monoandroid) (< monotouch) (< net46) (>= netstandard1.3) (< xamarinios) (< xamarinmac) (< xamarintvos) (< xamarinwatchos)
      System.Diagnostics.Debug (>= 4.3) - restriction: && (< monoandroid) (< monotouch) (< net46) (>= netstandard1.3) (< xamarinios) (< xamarinmac) (< xamarintvos) (< xamarinwatchos)
      System.Globalization (>= 4.3) - restriction: && (< monoandroid) (< monotouch) (< net46) (>= netstandard1.3) (< xamarinios) (< xamarinmac) (< xamarintvos) (< xamarinwatchos)
      System.IO (>= 4.3) - restriction: && (< monoandroid) (< monotouch) (< net46) (>= netstandard1.3) (< xamarinios) (< xamarinmac) (< xamarintvos) (< xamarinwatchos)
      System.Resources.ResourceManager (>= 4.3) - restriction: && (< monoandroid) (< monotouch) (< net46) (>= netstandard1.3) (< xamarinios) (< xamarinmac) (< xamarintvos) (< xamarinwatchos)
      System.Runtime (>= 4.3) - restriction: && (< monoandroid) (< monotouch) (< net46) (>= netstandard1.3) (< xamarinios) (< xamarinmac) (< xamarintvos) (< xamarinwatchos)
      System.Runtime.Extensions (>= 4.3) - restriction: && (< monoandroid) (< monotouch) (< net46) (>= netstandard1.3) (< xamarinios) (< xamarinmac) (< xamarintvos) (< xamarinwatchos)
      System.Text.Encoding (>= 4.3) - restriction: && (< monoandroid) (< monotouch) (< net46) (>= netstandard1.3) (< xamarinios) (< xamarinmac) (< xamarintvos) (< xamarinwatchos)
      System.Threading (>= 4.3) - restriction: && (< monoandroid) (< monotouch) (< net46) (>= netstandard1.3) (< xamarinios) (< xamarinmac) (< xamarintvos) (< xamarinwatchos)
      System.Xml.ReaderWriter (>= 4.3) - restriction: && (< monoandroid) (< monotouch) (< net46) (>= netstandard1.3) (< xamarinios) (< xamarinmac) (< xamarintvos) (< xamarinwatchos)
